{
    "Modality": "MR", 
    "MagneticFieldStrength": 3, 
    "ImagingFrequency": 127.698, 
    "Manufacturer": "Philips", 
    "ManufacturersModelName": "Achieva", 
    "InstitutionName": "JUNTENDO_UNV_HP", 
    "InstitutionalDepartmentName": "MRI", 
    "DeviceSerialNumber": "17397", 
    "StationName": "PHILIPS-48E1BA2", 
    "PatientPosition": "HFS", 
    "SoftwareVersions": "5.1.7_5.1.7.2", 
    "MRAcquisitionType": "3D", 
    "SeriesDescription": "GRE-MT", 
    "ProtocolName": "GRE-MT_SENSE", 
    "ScanningSequence": "GR", 
    "SequenceVariant": "SP", 
    "ScanOptions": "PFF", 
    "ImageType": [
        "ORIGINAL", 
        "PRIMARY", 
        "M", 
        "FFE", 
        "M", 
        "FFE"
    ], 
    "SeriesNumber": 601, 
    "AcquisitionTime": "19:32:13.340000", 
    "AcquisitionNumber": 6, 
    "PhilipsRescaleSlope": 3.51355, 
    "PhilipsRescaleIntercept": 0, 
    "PhilipsScaleSlope": 6.24523e-05, 
    "UsePhilipsFloatNotDisplayScaling": 1, 
    "SliceThickness": 5, 
    "SpacingBetweenSlices": 5, 
    "SAR": 2.35653, 
    "EchoTime": 0.002, 
    "RepetitionTime": 0.057, 
    "FlipAngle": 9, 
    "CoilString": "SENSE_NEURO_VASC", 
    "PercentPhaseFOV": 100, 
    "PhaseEncodingSteps": 256, 
    "AcquisitionMatrixPE": 256, 
    "ReconMatrixPE": 256, 
    "PixelBandwidth": 260, 
    "ImageOrientationPatientDICOM": [
        0.994846, 
        0.00503543, 
        0.101269, 
        -0.0049994, 
        0.999987, 
        -0.000609572
    ], 
    "InPlanePhaseEncodingDirectionDICOM": "COL", 
    "ConversionSoftware": "dcm2niix", 
    "ConversionSoftwareVersion": "v1.0.20190410  (JP2:OpenJPEG) (JP-LS:CharLS) Clang8.1.0", 
    "Dcm2bidsVersion": "2.1.4"
}