{
	"Modality": "MR",
	"MagneticFieldStrength": 3,
	"ImagingFrequency": 127.696,
	"Manufacturer": "Philips",
	"ManufacturersModelName": "Achieva",
	"InstitutionName": "JUNTENDO_UNV_HP",
	"InstitutionalDepartmentName": "MRI",
	"DeviceSerialNumber": "17397",
	"StationName": "PHILIPS-48E1BA2",
	"PatientPosition": "HFS",
	"SoftwareVersions": "5.1.7_5.1.7.2",
	"MRAcquisitionType": "3D",
	"SeriesDescription": "T1w",
	"ProtocolName": "T1w_SENSE",
	"ScanningSequence": "GR",
	"SequenceVariant": "MP",
	"ScanOptions": "OTHER",
	"ImageType": ["ORIGINAL", "PRIMARY", "M", "FFE", "M", "FFE"],
	"SeriesNumber": 301,
	"AcquisitionTime": "19:13:36.440000",
	"AcquisitionNumber": 3,
	"PhilipsRescaleSlope": 7.17949,
	"PhilipsRescaleIntercept": 0,
	"PhilipsScaleSlope": 0.00035989,
	"UsePhilipsFloatNotDisplayScaling": 1,
	"SliceThickness": 1,
	"SpacingBetweenSlices": 1,
	"SAR": 0.0273132,
	"EchoTime": 0.003548,
	"RepetitionTime": 0.0076126,
	"FlipAngle": 9,
	"CoilString": "SENSE_NEURO_VASC",
	"PercentPhaseFOV": 100,
	"EchoTrainLength": 246,
	"PhaseEncodingSteps": 256,
	"AcquisitionMatrixPE": 256,
	"ReconMatrixPE": 256,
	"PixelBandwidth": 191,
	"ImageOrientationPatientDICOM": [
		0,
		1,
		0,
		0.0836379,
		0,
		-0.996496	],
	"InPlanePhaseEncodingDirectionDICOM": "ROW",
	"ConversionSoftware": "dcm2niix",
	"ConversionSoftwareVersion": "v1.0.20190410  (JP2:OpenJPEG) (JP-LS:CharLS) Clang8.1.0"
}
