{
	"Modality": "MR",
	"MagneticFieldStrength": 3,
	"ImagingFrequency": 127.764,
	"Manufacturer": "GE",
	"ManufacturersModelName": "DISCOVERY_MR750",
	"InstitutionName": "CHIBA_UNIV_HOSPITAL",
	"DeviceSerialNumber": "0000000000EM0002",
	"StationName": "GEMRMR05",
	"PatientPosition": "HFS",
	"ProcedureStepDescription": "20180605julienGE",
	"SoftwareVersions": "25_LX_MR_Software_release:DV25.0_R02_1549.b",
	"MRAcquisitionType": "2D",
	"SeriesDescription": "Axi_DTI_Focus",
	"ProtocolName": "Axi_DTI_Focus",
	"ScanningSequence": "EP_SE",
	"SequenceVariant": "NONE",
	"ScanOptions": "SAT_GEMS_EPI_GEMS_PFF_FS",
	"ImageType": ["ORIGINAL", "PRIMARY", "OTHER"],
	"SeriesNumber": 6,
	"AcquisitionTime": "18:53:39.000000",
	"AcquisitionNumber": 1,
	"SliceThickness": 5,
	"SpacingBetweenSlices": 5,
	"SAR": 0.340879,
	"EchoTime": 0.0603,
	"RepetitionTime": 3,
	"FlipAngle": 90,
	"PhaseEncodingPolarityGE": "Flipped",
	"CoilString": "HNS_Neck",
	"PercentPhaseFOV": 50,
	"AcquisitionMatrixPE": 48,
	"ReconMatrixPE": 256,
	"EffectiveEchoSpacing": 0.0011,
	"TotalReadoutTime": 0.2805,
	"PixelBandwidth": 1304.69,
	"PhaseEncodingDirection": "j",
	"ImageOrientationPatientDICOM": [
		0.999007,
		-0.000754778,
		0.0445436,
		0.00246004,
		0.999266,
		-0.0382409	],
	"InPlanePhaseEncodingDirectionDICOM": "COL",
	"ConversionSoftware": "dcm2niix",
	"ConversionSoftwareVersion": "v1.0.20190410  (JP2:OpenJPEG) (JP-LS:CharLS) Clang8.1.0"
}
