{
	"Modality": "MR",
	"MagneticFieldStrength": 3,
	"Manufacturer": "Siemens",
	"ManufacturersModelName": "TrioTim",
	"InstitutionName": "Hospital_Douglas",
	"InstitutionalDepartmentName": "Department",
	"InstitutionAddress": "Boul._LaSalle_6875_Verdun_Montreal_CA_H4H_1R3",
	"DeviceSerialNumber": "35442",
	"StationName": "MRC35442",
	"PatientPosition": "HFS",
	"ProcedureStepDescription": "SPECTRSCOPY_jamie",
	"SoftwareVersions": "syngo_MR_B17",
	"MRAcquisitionType": "3D",
	"SeriesDescription": "T2w",
	"ProtocolName": "T2w",
	"ScanningSequence": "SE",
	"SequenceVariant": "SK_SP",
	"ScanOptions": "PFP",
	"SequenceName": "_spcR3d1_174",
	"ImageType": ["ORIGINAL", "PRIMARY", "M", "NORM", "DIS2D"],
	"SeriesNumber": 4,
	"AcquisitionTime": "13:23:24.167500",
	"AcquisitionNumber": 1,
	"SliceThickness": 0.8,
	"SAR": 0.992558,
	"EchoTime": 0.12,
	"RepetitionTime": 1.5,
	"FlipAngle": 120,
	"PartialFourier": 1,
	"BaseResolution": 320,
	"ShimSetting": [
		9149,
		-11002,
		349,
		-197,
		-99,
		-331,
		-16,
		49	],
	"TxRefAmp": 313.666,
	"PhaseResolution": 1.0125,
	"ReceiveCoilName": "NeckMatrix",
	"PulseSequenceDetails": "%SiemensSeq%_tse_vfl",
	"PercentPhaseFOV": 100,
	"EchoTrainLength": 87,
	"PhaseEncodingSteps": 199,
	"AcquisitionMatrixPE": 324,
	"ReconMatrixPE": 320,
	"ParallelReductionFactorInPlane": 2,
	"PixelBandwidth": 625,
	"DwellTime": 2.5e-06,
	"ImageOrientationPatientDICOM": [
		0,
		1,
		0,
		0,
		0,
		-1	],
	"InPlanePhaseEncodingDirectionDICOM": "ROW",
	"ConversionSoftware": "dcm2niix",
	"ConversionSoftwareVersion": "v1.0.20180622 (JP2:OpenJPEG) GCC6.1.0"
}
