{
	"Modality": "MR",
	"Manufacturer": "GE",
	"ManufacturersModelName": "DISCOVERY_MR750w",
	"AcquisitionNumber": 1,
	"InstitutionName": "TOKYO_UNIV_HOSPITAL",
	"DeviceSerialNumber": "0000000000EM0204",
	"SoftwareVersions": "24_LX_MR_Software_release:DV24.0_R01_1344.a",
	"ScanningSequence": "EP_SE",
	"SequenceVariant": "NONE",
	"SeriesDescription": "DWI",
	"ProtocolName": "DWI",
	"ImageType": ["ORIGINAL", "PRIMARY", "OTHER"],
	"AcquisitionTime": "20:38:36.000000",
	"MagneticFieldStrength": 3,
	"FlipAngle": 90,
	"EchoTime": 0.0838,
	"RepetitionTime": 4,
	"PhaseEncodingLines": 48,
	"EffectiveEchoSpacing": 0.001188,
	"ConversionSoftware": "dcm2niix",
	"ConversionSoftwareVersion": "v1.0.20170818 (OpenJPEG build) Clang7.3.0"
}
