{
    "Modality": "MR", 
    "MagneticFieldStrength": 3, 
    "ImagingFrequency": 127.768, 
    "Manufacturer": "GE", 
    "ManufacturersModelName": "DISCOVERY_MR750w", 
    "InstitutionName": "JUNTENDO_UNV_HP", 
    "DeviceSerialNumber": "0000000000EM0236", 
    "StationName": "GEMR750W", 
    "BodyPartExamined": "HEAD", 
    "PatientPosition": "HFS", 
    "SoftwareVersions": "27_LX_MR_Software_release:DV25.1_R01_1617.b", 
    "MRAcquisitionType": "3D", 
    "SeriesDescription": "T2w", 
    "ProtocolName": "T2w", 
    "ScanningSequence": "SE", 
    "SequenceVariant": "SK_OSP", 
    "ScanOptions": "FC_FREQ_AX_GEMS_FC_NPW_EDR_GEMS_FILTERED_GEMS_ACC_GEMS", 
    "ImageType": [
        "ORIGINAL", 
        "PRIMARY", 
        "OTHER"
    ], 
    "SeriesNumber": 5, 
    "AcquisitionTime": "18:28:36.000000", 
    "AcquisitionNumber": 1, 
    "SliceThickness": 0.8, 
    "SpacingBetweenSlices": 0.8, 
    "SAR": 0.526976, 
    "EchoTime": 0.135447, 
    "RepetitionTime": 2.5, 
    "FlipAngle": 90, 
    "CoilString": "C_Spine+Neck_24", 
    "PercentPhaseFOV": 100, 
    "EchoTrainLength": 78, 
    "AcquisitionMatrixPE": 320, 
    "ReconMatrixPE": 512, 
    "PixelBandwidth": 325.508, 
    "ImageOrientationPatientDICOM": [
        0.0800269, 
        0.996789, 
        0.00281525, 
        0.0890974, 
        -0.00434014, 
        -0.996013
    ], 
    "InPlanePhaseEncodingDirectionDICOM": "ROW", 
    "ConversionSoftware": "dcm2niix", 
    "ConversionSoftwareVersion": "v1.0.20190410  (JP2:OpenJPEG) (JP-LS:CharLS) Clang8.1.0", 
    "Dcm2bidsVersion": "2.1.4"
}