{
    "Modality": "MR", 
    "MagneticFieldStrength": 3, 
    "ImagingFrequency": 127.768, 
    "Manufacturer": "GE", 
    "ManufacturersModelName": "DISCOVERY_MR750w", 
    "InstitutionName": "JUNTENDO_UNV_HP", 
    "DeviceSerialNumber": "0000000000EM0236", 
    "StationName": "GEMR750W", 
    "BodyPartExamined": "SPINE", 
    "PatientPosition": "HFS", 
    "SoftwareVersions": "27_LX_MR_Software_release:DV25.1_R01_1617.b", 
    "MRAcquisitionType": "2D", 
    "SeriesDescription": "GRE-ME", 
    "ProtocolName": "GRE-ME", 
    "ScanningSequence": "GR", 
    "SequenceVariant": "SS_SK", 
    "ScanOptions": "FAST_GEMS_FC_EDR_GEMS_FILTERED_GEMS_ACC_GEMS", 
    "ImageType": [
        "ORIGINAL", 
        "PRIMARY", 
        "OTHER"
    ], 
    "SeriesNumber": 10, 
    "AcquisitionTime": "18:51:54.000000", 
    "AcquisitionNumber": 1, 
    "SliceThickness": 5, 
    "SpacingBetweenSlices": 5, 
    "SAR": 0.134641, 
    "NumberOfAverages": 2, 
    "EchoTime": 0.0143, 
    "RepetitionTime": 0.6, 
    "FlipAngle": 30, 
    "CoilString": "C_Spine+Neck_36", 
    "PartialFourier": 0.00669643, 
    "PercentPhaseFOV": 100, 
    "EchoTrainLength": 3, 
    "AcquisitionMatrixPE": 448, 
    "ReconMatrixPE": 512, 
    "PixelBandwidth": 244.141, 
    "PhaseEncodingAxis": "j", 
    "ImageOrientationPatientDICOM": [
        0.994544, 
        1.70299e-07, 
        0.104316, 
        -0.025868, 
        0.968766, 
        0.246622
    ], 
    "InPlanePhaseEncodingDirectionDICOM": "COL", 
    "ConversionSoftware": "dcm2niix", 
    "ConversionSoftwareVersion": "v1.0.20190410  (JP2:OpenJPEG) (JP-LS:CharLS) Clang8.1.0", 
    "Dcm2bidsVersion": "2.1.4"
}