{
    "Modality": "MR", 
    "MagneticFieldStrength": 3, 
    "ImagingFrequency": 127.768, 
    "Manufacturer": "GE", 
    "ManufacturersModelName": "DISCOVERY_MR750w", 
    "InstitutionName": "JUNTENDO_UNV_HP", 
    "DeviceSerialNumber": "0000000000EM0236", 
    "StationName": "GEMR750W", 
    "BodyPartExamined": "HEAD", 
    "PatientPosition": "HFS", 
    "SoftwareVersions": "27_LX_MR_Software_release:DV25.1_R01_1617.b", 
    "MRAcquisitionType": "3D", 
    "SeriesDescription": "T1w", 
    "ProtocolName": "T1w", 
    "ScanningSequence": "GR", 
    "SequenceVariant": "SS_SP_SK", 
    "ScanOptions": "FAST_GEMS_EDR_GEMS_FILTERED_GEMS_ACC_GEMS", 
    "ImageType": [
        "ORIGINAL", 
        "PRIMARY", 
        "OTHER"
    ], 
    "SeriesNumber": 4, 
    "AcquisitionTime": "18:23:20.000000", 
    "AcquisitionNumber": 1, 
    "SliceThickness": 1, 
    "SpacingBetweenSlices": 1, 
    "SAR": 0.463915, 
    "EchoTime": 0.001868, 
    "RepetitionTime": 0.004196, 
    "InversionTime": 1, 
    "FlipAngle": 9, 
    "CoilString": "C_Spine+Neck_36", 
    "PercentPhaseFOV": 80, 
    "AcquisitionMatrixPE": 256, 
    "ReconMatrixPE": 512, 
    "PixelBandwidth": 558.047, 
    "ImageOrientationPatientDICOM": [
        0.0675019, 
        0.997719, 
        0, 
        0.0730957, 
        -0.00494535, 
        -0.997313
    ], 
    "InPlanePhaseEncodingDirectionDICOM": "ROW", 
    "ConversionSoftware": "dcm2niix", 
    "ConversionSoftwareVersion": "v1.0.20190410  (JP2:OpenJPEG) (JP-LS:CharLS) Clang8.1.0", 
    "Dcm2bidsVersion": "2.1.4"
}