{
    "Modality": "MR", 
    "MagneticFieldStrength": 3, 
    "ImagingFrequency": 127.768, 
    "Manufacturer": "GE", 
    "ManufacturersModelName": "DISCOVERY_MR750w", 
    "InstitutionName": "JUNTENDO_UNV_HP", 
    "DeviceSerialNumber": "0000000000EM0236", 
    "StationName": "GEMR750W", 
    "BodyPartExamined": "HEAD", 
    "PatientPosition": "HFS", 
    "SoftwareVersions": "27_LX_MR_Software_release:DV25.1_R01_1617.b", 
    "MRAcquisitionType": "3D", 
    "SeriesDescription": "GRE-MT0", 
    "ProtocolName": "GRE-MT0", 
    "ScanningSequence": "GR", 
    "SequenceVariant": "SS_SP", 
    "ScanOptions": "EDR_GEMS_FILTERED_GEMS_PFF", 
    "ImageType": [
        "ORIGINAL", 
        "PRIMARY", 
        "OTHER"
    ], 
    "SeriesNumber": 8, 
    "AcquisitionTime": "18:43:42.000000", 
    "AcquisitionNumber": 1, 
    "SliceThickness": 5, 
    "SpacingBetweenSlices": 5, 
    "SAR": 0.00848472, 
    "EchoTime": 0.004, 
    "RepetitionTime": 0.062, 
    "FlipAngle": 9, 
    "CoilString": "C_Spine+Neck_36", 
    "PercentPhaseFOV": 100, 
    "AcquisitionMatrixPE": 192, 
    "ReconMatrixPE": 256, 
    "PixelBandwidth": 325.547, 
    "ImageOrientationPatientDICOM": [
        0.994544, 
        1.76402e-07, 
        0.104316, 
        -0.025868, 
        0.968766, 
        0.246622
    ], 
    "InPlanePhaseEncodingDirectionDICOM": "COL", 
    "ConversionSoftware": "dcm2niix", 
    "ConversionSoftwareVersion": "v1.0.20190410  (JP2:OpenJPEG) (JP-LS:CharLS) Clang8.1.0", 
    "Dcm2bidsVersion": "2.1.4"
}