{
	"Modality": "MR",
	"MagneticFieldStrength": 3,
	"ImagingFrequency": 127.766,
	"Manufacturer": "Philips",
	"ManufacturersModelName": "Ingenia",
	"InstitutionName": "Mcgill_University",
	"InstitutionalDepartmentName": "IRM",
	"InstitutionAddress": "Montreal_Canada",
	"DeviceSerialNumber": "71068",
	"StationName": "PHILIPS-C08M7LS",
	"PatientPosition": "HFS",
	"SoftwareVersions": "5.1.7_5.1.7.2",
	"MRAcquisitionType": "2D",
	"SeriesDescription": "DWI",
	"ProtocolName": "WIP_DWI_CLEAR",
	"ScanningSequence": "SE",
	"SequenceVariant": "SK",
	"ScanOptions": "FS",
	"ImageType": ["ORIGINAL", "PRIMARY", "M", "SE", "M", "SE"],
	"SeriesNumber": 401,
	"AcquisitionTime": "16:45:49.150000",
	"AcquisitionNumber": 4,
	"PhilipsRescaleSlope": 11.1116,
	"PhilipsRescaleIntercept": 0,
	"PhilipsScaleSlope": 0.00972837,
	"UsePhilipsFloatNotDisplayScaling": 1,
	"SliceThickness": 5,
	"SpacingBetweenSlices": 5,
	"SAR": 2.80164,
	"EchoTime": 0.069663,
	"RepetitionTime": 3.42857,
	"FlipAngle": 90,
	"CoilString": "MULTI_COIL",
	"PartialFourier": 0.746032,
	"PercentPhaseFOV": 75,
	"EchoTrainLength": 47,
	"PhaseEncodingSteps": 63,
	"AcquisitionMatrixPE": 63,
	"ReconMatrixPE": 64,
	"PixelBandwidth": 1505,
	"PhaseEncodingAxis": "j",
	"ImageOrientationPatientDICOM": [
		0.999213,
		3.4171e-10,
		0.0396662,
		-0.00572032,
		0.989547,
		0.144098	],
	"InPlanePhaseEncodingDirectionDICOM": "COL",
	"ConversionSoftware": "dcm2niix",
	"ConversionSoftwareVersion": "v1.0.20190410  (JP2:OpenJPEG) (JP-LS:CharLS) Clang8.1.0"
}
