{
	"Modality": "MR",
	"Manufacturer": "Philips",
	"ManufacturersModelName": "Ingenia",
	"EchoTrainLength": 246,
	"AcquisitionNumber": 3,
	"InstitutionName": "Chiba_Univ_Hospital",
	"InstitutionAddress": "Inohana1-8-1_260-0856_CHIBA-SHI_Japan",
	"DeviceSerialNumber": "71413",
	"SoftwareVersions": "5.3.1_5.3.1.1",
	"ProcedureStepDescription": "20180608julien",
	"ScanningSequence": "GR",
	"SequenceVariant": "MP",
	"SeriesDescription": "Sag_3D_IR_T1",
	"BodyPartExamined": "NECK",
	"ProtocolName": "Sag_3D_IR_T1",
	"ImageType": ["ORIGINAL", "PRIMARY", "M", "FFE", "M", "FFE"],
	"AcquisitionTime": "17:52:45.900000",
	"PhilipsRescaleSlope": 3.79951,
	"PhilipsRescaleIntercept": 0,
	"PhilipsScaleSlope": 0.00371007,
	"UsePhilipsFloatNotDisplayScaling": 1,
	"MagneticFieldStrength": 3,
	"FlipAngle": 9,
	"EchoTime": 0.003413,
	"RepetitionTime": 0.0075117,
	"PhaseEncodingLines": 320,
	"ConversionSoftware": "dcm2niix",
	"ConversionSoftwareVersion": "v1.0.20170818 (OpenJPEG build) Clang7.3.0"
}
