{
	"Modality": "MR",
	"Manufacturer": "Philips",
	"ManufacturersModelName": "Ingenia",
	"AcquisitionNumber": 7,
	"InstitutionName": "Chiba_Univ_Hospital",
	"InstitutionAddress": "Inohana1-8-1_260-0856_CHIBA-SHI_Japan",
	"DeviceSerialNumber": "71413",
	"SoftwareVersions": "5.3.1_5.3.1.1",
	"ProcedureStepDescription": "20180608julien",
	"ScanningSequence": "GR",
	"SequenceVariant": "SP",
	"SeriesDescription": "Axi_3D_FFE",
	"BodyPartExamined": "NECK",
	"ProtocolName": "Axi_3D_FFE",
	"ImageType": ["ORIGINAL", "PRIMARY", "M", "FFE", "M", "FFE"],
	"AcquisitionTime": "18:14:59.820000",
	"PhilipsRescaleSlope": 2.17582,
	"PhilipsRescaleIntercept": 0,
	"PhilipsScaleSlope": 0.000600307,
	"UsePhilipsFloatNotDisplayScaling": 1,
	"MagneticFieldStrength": 3,
	"FlipAngle": 15,
	"EchoTime": 0.002001,
	"RepetitionTime": 0.015,
	"PhaseEncodingLines": 256,
	"ConversionSoftware": "dcm2niix",
	"ConversionSoftwareVersion": "v1.0.20170818 (OpenJPEG build) Clang7.3.0"
}
