{
	"Modality": "MR",
	"Manufacturer": "Philips",
	"ManufacturersModelName": "Ingenia",
	"EchoTrainLength": 3,
	"AcquisitionNumber": 8,
	"InstitutionName": "Chiba_Univ_Hospital",
	"InstitutionAddress": "Inohana1-8-1_260-0856_CHIBA-SHI_Japan",
	"DeviceSerialNumber": "71413",
	"SoftwareVersions": "5.3.1_5.3.1.1",
	"ProcedureStepDescription": "20180608julien",
	"ScanningSequence": "GR",
	"SequenceVariant": "SS",
	"SeriesDescription": "Axi_T2mFFE",
	"BodyPartExamined": "NECK",
	"ProtocolName": "Axi_T2mFFE",
	"ImageType": ["ORIGINAL", "PRIMARY", "M", "FFE", "M", "FFE"],
	"AcquisitionTime": "18:15:43.050000",
	"PhilipsRescaleSlope": 6.31355,
	"PhilipsRescaleIntercept": 0,
	"PhilipsScaleSlope": 0.0642381,
	"UsePhilipsFloatNotDisplayScaling": 1,
	"MagneticFieldStrength": 3,
	"FlipAngle": 30,
	"EchoTime": 0.003012,
	"RepetitionTime": 0.625,
	"PhaseEncodingLines": 320,
	"ConversionSoftware": "dcm2niix",
	"ConversionSoftwareVersion": "v1.0.20170818 (OpenJPEG build) Clang7.3.0"
}
