{
	"Modality": "MR",
	"Manufacturer": "Philips",
	"ManufacturersModelName": "Ingenia",
	"EchoTrainLength": 92,
	"AcquisitionNumber": 4,
	"InstitutionName": "Chiba_Univ_Hospital",
	"InstitutionAddress": "Inohana1-8-1_260-0856_CHIBA-SHI_Japan",
	"DeviceSerialNumber": "71413",
	"SoftwareVersions": "5.3.1_5.3.1.1",
	"ProcedureStepDescription": "20180608julien",
	"ScanningSequence": "SE",
	"SequenceVariant": "SK",
	"SeriesDescription": "Sag_T2_VISTA",
	"BodyPartExamined": "NECK",
	"ProtocolName": "Sag_T2_VISTA",
	"ImageType": ["ORIGINAL", "PRIMARY", "M", "SE", "M", "SE"],
	"AcquisitionTime": "17:58:17.260000",
	"PhilipsRescaleSlope": 1.41441,
	"PhilipsRescaleIntercept": 0,
	"PhilipsScaleSlope": 0.00118569,
	"UsePhilipsFloatNotDisplayScaling": 1,
	"MagneticFieldStrength": 3,
	"FlipAngle": 90,
	"EchoTime": 0.12,
	"RepetitionTime": 3.5,
	"PhaseEncodingLines": 294,
	"ConversionSoftware": "dcm2niix",
	"ConversionSoftwareVersion": "v1.0.20170818 (OpenJPEG build) Clang7.3.0"
}
