{
	"Modality": "MR",
	"Manufacturer": "GE",
	"ManufacturersModelName": "DISCOVERY_MR750w",
	"AcquisitionNumber": 1,
	"InstitutionName": "TOKYO_UNIV_HOSPITAL",
	"DeviceSerialNumber": "0000000000EM0204",
	"SoftwareVersions": "24_LX_MR_Software_release:DV24.0_R01_1344.a",
	"ScanningSequence": "GR",
	"SequenceVariant": "SS_SP",
	"SeriesDescription": "GRE-MT0",
	"ProtocolName": "GRE-MT0",
	"ImageType": ["ORIGINAL", "PRIMARY", "OTHER"],
	"AcquisitionTime": "20:41:39.000000",
	"MagneticFieldStrength": 3,
	"FlipAngle": 9,
	"EchoTime": 0.004,
	"RepetitionTime": 0.035,
	"PhaseEncodingLines": 192,
	"ConversionSoftware": "dcm2niix",
	"ConversionSoftwareVersion": "v1.0.20170818 (OpenJPEG build) Clang7.3.0"
}
