{
	"Modality": "MR",
	"Manufacturer": "GE",
	"ManufacturersModelName": "DISCOVERY_MR750w",
	"EchoTrainLength": 78,
	"AcquisitionNumber": 1,
	"InstitutionName": "TOKYO_UNIV_HOSPITAL",
	"DeviceSerialNumber": "0000000000EM0204",
	"SoftwareVersions": "24_LX_MR_Software_release:DV24.0_R01_1344.a",
	"ScanningSequence": "SE",
	"SequenceVariant": "SK_OSP",
	"SeriesDescription": "T2w",
	"ProtocolName": "T2w",
	"ImageType": ["ORIGINAL", "PRIMARY", "OTHER"],
	"AcquisitionTime": "20:32:51.000000",
	"MagneticFieldStrength": 3,
	"FlipAngle": 90,
	"EchoTime": 0.130429,
	"RepetitionTime": 2.52,
	"PhaseEncodingLines": 320,
	"ConversionSoftware": "dcm2niix",
	"ConversionSoftwareVersion": "v1.0.20170818 (OpenJPEG build) Clang7.3.0"
}
