{
	"Modality": "MR",
	"MagneticFieldStrength": 3,
	"Manufacturer": "Siemens",
	"ManufacturersModelName": "TrioTim",
	"InstitutionName": "Hospital_Douglas",
	"InstitutionalDepartmentName": "Department",
	"InstitutionAddress": "Boul._LaSalle_6875_Verdun_Montreal_CA_H4H_1R3",
	"DeviceSerialNumber": "35442",
	"StationName": "MRC35442",
	"PatientPosition": "HFS",
	"ProcedureStepDescription": "SPECTRSCOPY_jamie",
	"SoftwareVersions": "syngo_MR_B17",
	"MRAcquisitionType": "2D",
	"SeriesDescription": "DWI",
	"ProtocolName": "DWI",
	"ScanningSequence": "EP",
	"SequenceVariant": "SK_SP",
	"ScanOptions": "PFP_SAT2_WE_CT",
	"SequenceName": "_ep_b0",
	"ImageType": ["ORIGINAL", "PRIMARY", "DIFFUSION", "NONE", "ND", "MOSAIC"],
	"SeriesNumber": 5,
	"AcquisitionTime": "13:27:42.727500",
	"AcquisitionNumber": 1,
	"SliceThickness": 5,
	"SpacingBetweenSlices": 5,
	"SAR": 0.458703,
	"EchoTime": 0.099,
	"RepetitionTime": 0.61,
	"FlipAngle": 90,
	"PartialFourier": 0.625,
	"BaseResolution": 96,
	"ShimSetting": [
		9127,
		-11189,
		157,
		-3174,
		690,
		4999,
		-1017,
		-155	],
	"TxRefAmp": 313.666,
	"PhaseResolution": 1,
	"ReceiveCoilName": "NeckMatrix",
	"PulseSequenceDetails": "%SiemensSeq%_ep2d_diff",
	"PercentPhaseFOV": 100,
	"PhaseEncodingSteps": 63,
	"AcquisitionMatrixPE": 96,
	"ReconMatrixPE": 96,
	"BandwidthPerPixelPhaseEncode": 9.137,
	"EffectiveEchoSpacing": 0.00114005,
	"DerivedVendorReportedEchoSpacing": 0.00114005,
	"TotalReadoutTime": 0.108305,
	"PixelBandwidth": 983,
	"DwellTime": 5.3e-06,
	"PhaseEncodingDirection": "j-",
	"SliceTiming": [
		0,
		0.785,
		1.57,
		2.3075,
		3.1175,
		0.205,
		0.99,
		1.7725,
		2.5125,
		3.3225,
		0.4075,
		1.1925,
		1.9775,
		2.7175,
		3.5275	],
	"ImageOrientationPatientDICOM": [
		1,
		0,
		0,
		0,
		0.999986,
		-0.00523596	],
	"InPlanePhaseEncodingDirectionDICOM": "COL",
	"ConversionSoftware": "dcm2niix",
	"ConversionSoftwareVersion": "v1.0.20180622 (JP2:OpenJPEG) GCC6.1.0"
}
