{
    "Modality": "MR", 
    "MagneticFieldStrength": 3, 
    "ImagingFrequency": 123.26, 
    "Manufacturer": "Siemens", 
    "ManufacturersModelName": "Prisma", 
    "InstitutionName": "JUNTENDO_UNV_HP", 
    "InstitutionalDepartmentName": "Tokyo", 
    "InstitutionAddress": "Hongo_3-1-3_Bunkyo-ku_Tokyo_JP_113-8431", 
    "DeviceSerialNumber": "66084", 
    "StationName": "AWP66084", 
    "BodyPartExamined": "CSPINE", 
    "PatientPosition": "HFS", 
    "ProcedureStepDescription": "spine_general_Julien_generic", 
    "SoftwareVersions": "syngo_MR_E11", 
    "MRAcquisitionType": "2D", 
    "SeriesDescription": "GRE-ME", 
    "ProtocolName": "GRE-ME", 
    "ScanningSequence": "GR", 
    "SequenceVariant": "SP", 
    "SequenceName": "_me2d1r3", 
    "ImageType": [
        "ORIGINAL", 
        "PRIMARY", 
        "M", 
        "NORM", 
        "DIS2D"
    ], 
    "SeriesNumber": 9, 
    "AcquisitionTime": "18:10:51.967500", 
    "AcquisitionNumber": 1, 
    "SliceThickness": 5, 
    "SpacingBetweenSlices": 5, 
    "SAR": 0.0208427, 
    "NumberOfAverages": 2, 
    "EchoTime": 0.014, 
    "RepetitionTime": 0.6, 
    "FlipAngle": 30, 
    "PartialFourier": 1, 
    "BaseResolution": 448, 
    "ShimSetting": [
        -2493, 
        7653, 
        -1429, 
        -2096, 
        -180, 
        478, 
        465, 
        220
    ], 
    "TxRefAmp": 291.759, 
    "PhaseResolution": 1, 
    "ReceiveCoilName": "HeadNeck_64", 
    "ReceiveCoilActiveElements": "HC7;NC1,2", 
    "CoilString": "HC7;NC1_2", 
    "PulseSequenceDetails": "%SiemensSeq%_medic", 
    "RefLinesPE": 24, 
    "ConsistencyInfo": "N4_VE11C_LATEST_20160120", 
    "PercentPhaseFOV": 100, 
    "EchoTrainLength": 3, 
    "PhaseEncodingSteps": 447, 
    "AcquisitionMatrixPE": 448, 
    "ReconMatrixPE": 448, 
    "ParallelReductionFactorInPlane": 2, 
    "PixelBandwidth": 260, 
    "DwellTime": 4.3e-06, 
    "PhaseEncodingDirection": "j-", 
    "ImageOrientationPatientDICOM": [
        0.999903, 
        -0.000947549, 
        0.0138976, 
        1.43415e-08, 
        0.997684, 
        0.0680219
    ], 
    "InPlanePhaseEncodingDirectionDICOM": "COL", 
    "ConversionSoftware": "dcm2niix", 
    "ConversionSoftwareVersion": "v1.0.20190410  (JP2:OpenJPEG) (JP-LS:CharLS) Clang8.1.0", 
    "Dcm2bidsVersion": "2.1.4"
}