{
    "Modality": "MR", 
    "MagneticFieldStrength": 3, 
    "ImagingFrequency": 123.26, 
    "Manufacturer": "Siemens", 
    "ManufacturersModelName": "Prisma", 
    "InstitutionName": "JUNTENDO_UNV_HP", 
    "InstitutionalDepartmentName": "Tokyo", 
    "InstitutionAddress": "Hongo_3-1-3_Bunkyo-ku_Tokyo_JP_113-8431", 
    "DeviceSerialNumber": "66084", 
    "StationName": "AWP66084", 
    "BodyPartExamined": "CSPINE", 
    "PatientPosition": "HFS", 
    "ProcedureStepDescription": "spine_general_Julien_generic", 
    "SoftwareVersions": "syngo_MR_E11", 
    "MRAcquisitionType": "3D", 
    "SeriesDescription": "GRE-MT1", 
    "ProtocolName": "GRE-MT1", 
    "ScanningSequence": "GR", 
    "SequenceVariant": "MTC_SP", 
    "ScanOptions": "MT", 
    "SequenceName": "_fl3d1", 
    "ImageType": [
        "ORIGINAL", 
        "PRIMARY", 
        "M", 
        "DIS2D"
    ], 
    "SeriesNumber": 6, 
    "AcquisitionTime": "18:05:20.952500", 
    "AcquisitionNumber": 1, 
    "SliceThickness": 5, 
    "SAR": 0.550745, 
    "EchoTime": 0.00313, 
    "RepetitionTime": 0.035, 
    "FlipAngle": 9, 
    "PartialFourier": 1, 
    "BaseResolution": 256, 
    "ShimSetting": [
        -2443, 
        7783, 
        -1322, 
        -1735, 
        -258, 
        2139, 
        -169, 
        2
    ], 
    "TxRefAmp": 291.759, 
    "PhaseResolution": 1, 
    "ReceiveCoilName": "HeadNeck_64", 
    "ReceiveCoilActiveElements": "HC7;NC1,2", 
    "CoilString": "HC7;NC1_2", 
    "PulseSequenceDetails": "%SiemensSeq%_gre", 
    "RefLinesPE": 32, 
    "ConsistencyInfo": "N4_VE11C_LATEST_20160120", 
    "PercentPhaseFOV": 100, 
    "PhaseEncodingSteps": 255, 
    "AcquisitionMatrixPE": 256, 
    "ReconMatrixPE": 256, 
    "PixelBandwidth": 260, 
    "DwellTime": 7.5e-06, 
    "ImageOrientationPatientDICOM": [
        0.999903, 
        -0.000947549, 
        0.0138976, 
        1.43415e-08, 
        0.997684, 
        0.0680219
    ], 
    "InPlanePhaseEncodingDirectionDICOM": "COL", 
    "ConversionSoftware": "dcm2niix", 
    "ConversionSoftwareVersion": "v1.0.20190410  (JP2:OpenJPEG) (JP-LS:CharLS) Clang8.1.0", 
    "Dcm2bidsVersion": "2.1.4"
}