{
	"Modality": "MR",
	"MagneticFieldStrength": 3,
	"ImagingFrequency": 127.698,
	"Manufacturer": "Philips",
	"ManufacturersModelName": "Achieva",
	"InstitutionName": "JUNTENDO_UNV_HP",
	"InstitutionalDepartmentName": "MRI",
	"DeviceSerialNumber": "17397",
	"StationName": "PHILIPS-48E1BA2",
	"PatientPosition": "HFS",
	"SoftwareVersions": "5.1.7_5.1.7.2",
	"MRAcquisitionType": "2D",
	"SeriesDescription": "DWI",
	"ProtocolName": "DWI_CLEAR",
	"ScanningSequence": "SE",
	"SequenceVariant": "SK",
	"ScanOptions": "FS",
	"ImageType": ["ORIGINAL", "PRIMARY", "M", "SE", "M", "SE"],
	"SeriesNumber": 501,
	"AcquisitionTime": "19:25:43.660000",
	"AcquisitionNumber": 5,
	"PhilipsRescaleSlope": 13.4505,
	"PhilipsRescaleIntercept": 0,
	"PhilipsScaleSlope": 0.000896982,
	"UsePhilipsFloatNotDisplayScaling": 1,
	"SliceThickness": 5,
	"SpacingBetweenSlices": 5,
	"SAR": 0.267762,
	"EchoTime": 0.063809,
	"RepetitionTime": 3,
	"FlipAngle": 90,
	"CoilString": "SENSE_NEURO_VASC",
	"PartialFourier": 0.746032,
	"PercentPhaseFOV": 75,
	"EchoTrainLength": 47,
	"PhaseEncodingSteps": 63,
	"AcquisitionMatrixPE": 63,
	"ReconMatrixPE": 64,
	"PixelBandwidth": 1196,
	"PhaseEncodingAxis": "j",
	"ImageOrientationPatientDICOM": [
		0.994846,
		0.00503543,
		0.101269,
		-0.0049994,
		0.999987,
		-0.000609572	],
	"InPlanePhaseEncodingDirectionDICOM": "COL",
	"ConversionSoftware": "dcm2niix",
	"ConversionSoftwareVersion": "v1.0.20190410  (JP2:OpenJPEG) (JP-LS:CharLS) Clang8.1.0"
}
