{
	"Modality": "MR",
	"Manufacturer": "Philips",
	"ManufacturersModelName": "Ingenia_CX",
	"EchoTrainLength": 47,
	"AcquisitionNumber": 5,
	"InstitutionName": "Tokyo_University_Hospital",
	"DeviceSerialNumber": "78091",
	"SoftwareVersions": "5.3.1_5.3.1.1",
	"ScanningSequence": "SE",
	"SequenceVariant": "SK",
	"SeriesDescription": "DWI",
	"BodyPartExamined": "SPINE",
	"ProtocolName": "DWI",
	"ImageType": ["ORIGINAL", "PRIMARY", "M", "SE", "M", "SE"],
	"AcquisitionTime": "17:41:3.470000",
	"PhilipsRescaleSlope": 5.30256,
	"PhilipsRescaleIntercept": 0,
	"PhilipsScaleSlope": 0.0109172,
	"UsePhilipsFloatNotDisplayScaling": 1,
	"MagneticFieldStrength": 3,
	"FlipAngle": 90,
	"EchoTime": 0.062682,
	"RepetitionTime": 3.42857,
	"PhaseEncodingLines": 63,
	"ConversionSoftware": "dcm2niix",
	"ConversionSoftwareVersion": "v1.0.20170818 (OpenJPEG build) Clang7.3.0"
}
