{
	"Modality": "MR",
	"Manufacturer": "Philips",
	"ManufacturersModelName": "Ingenia",
	"EchoTrainLength": 51,
	"AcquisitionNumber": 5,
	"InstitutionName": "Chiba_Univ_Hospital",
	"InstitutionAddress": "Inohana1-8-1_260-0856_CHIBA-SHI_Japan",
	"DeviceSerialNumber": "71413",
	"SoftwareVersions": "5.3.1_5.3.1.1",
	"ProcedureStepDescription": "20180608julien",
	"ScanningSequence": "SE",
	"SequenceVariant": "SK",
	"SeriesDescription": "Axi_DTI",
	"BodyPartExamined": "NECK",
	"ProtocolName": "Axi_DTI",
	"ImageType": ["ORIGINAL", "PRIMARY", "M", "SE", "M", "SE"],
	"AcquisitionTime": "18:04:7.070000",
	"PhilipsRescaleSlope": 7.2232,
	"PhilipsRescaleIntercept": 0,
	"PhilipsScaleSlope": 0.0123221,
	"UsePhilipsFloatNotDisplayScaling": 1,
	"MagneticFieldStrength": 3,
	"FlipAngle": 90,
	"EchoTime": 0.102749,
	"RepetitionTime": 2.68915,
	"PhaseEncodingLines": 63,
	"ConversionSoftware": "dcm2niix",
	"ConversionSoftwareVersion": "v1.0.20170818 (OpenJPEG build) Clang7.3.0"
}
