{
	"Modality": "MR",
	"Manufacturer": "Siemens",
	"ManufacturersModelName": "Skyra",
	"AcquisitionNumber": 1,
	"InstitutionName": "The_University_of_Tokyo_Hospital",
	"InstitutionAddress": "Street_Hongo_Bunkyou-ku_Tokyo_JP_113-8655",
	"DeviceSerialNumber": "45896",
	"SoftwareVersions": "syngo_MR_E11",
	"ProcedureStepDescription": "jcohenadad_generic",
	"ScanningSequence": "GR_IR",
	"SequenceVariant": "SK_SP_MP",
	"SeriesDescription": "T1w",
	"BodyPartExamined": "NCK",
	"ProtocolName": "T1w",
	"SequenceName": "_tfl3d1_16",
	"ImageType": ["ORIGINAL", "PRIMARY", "M", "NORM", "DIS3D", "DIS2D"],
	"AcquisitionTime": "18:13:11.260000",
	"MagneticFieldStrength": 3,
	"FlipAngle": 9,
	"EchoTime": 0.00372,
	"RepetitionTime": 2,
	"InversionTime": 1,
	"PhaseEncodingLines": 260,
	"AccelFactPE": 2,
	"PhaseEncodingDirection": "i-",
	"ConversionSoftware": "dcm2niix",
	"ConversionSoftwareVersion": "v1.0.20170818 (OpenJPEG build) Clang7.3.0"
}
