{
	"Modality": "MR",
	"Manufacturer": "Siemens",
	"ManufacturersModelName": "Skyra",
	"AcquisitionNumber": 1,
	"InstitutionName": "The_University_of_Tokyo_Hospital",
	"InstitutionAddress": "Street_Hongo_Bunkyou-ku_Tokyo_JP_113-8655",
	"DeviceSerialNumber": "45896",
	"SoftwareVersions": "syngo_MR_E11",
	"ProcedureStepDescription": "jcohenadad_generic",
	"ScanningSequence": "GR",
	"SequenceVariant": "SP",
	"SeriesDescription": "GRE-T1w",
	"BodyPartExamined": "NCK",
	"ProtocolName": "GRE-T1w",
	"SequenceName": "_fl3d1",
	"ImageType": ["ORIGINAL", "PRIMARY", "M", "DIS2D"],
	"AcquisitionTime": "18:29:35.927500",
	"MagneticFieldStrength": 3,
	"FlipAngle": 15,
	"EchoTime": 0.00313,
	"RepetitionTime": 0.015,
	"PhaseEncodingLines": 256,
	"AccelFactPE": 2,
	"PhaseEncodingDirection": "j-",
	"ConversionSoftware": "dcm2niix",
	"ConversionSoftwareVersion": "v1.0.20170818 (OpenJPEG build) Clang7.3.0"
}
