{
	"Modality": "MR",
	"Manufacturer": "Siemens",
	"ManufacturersModelName": "Skyra",
	"EchoTrainLength": 3,
	"AcquisitionNumber": 1,
	"InstitutionName": "The_University_of_Tokyo_Hospital",
	"InstitutionAddress": "Street_Hongo_Bunkyou-ku_Tokyo_JP_113-8655",
	"DeviceSerialNumber": "45896",
	"SoftwareVersions": "syngo_MR_E11",
	"ProcedureStepDescription": "jcohenadad_generic",
	"ScanningSequence": "GR",
	"SequenceVariant": "SP",
	"SeriesDescription": "GRE-ME",
	"BodyPartExamined": "NCK",
	"ProtocolName": "GRE-ME",
	"SequenceName": "_me2d1r3",
	"ImageType": ["ORIGINAL", "PRIMARY", "M", "NORM", "DIS2D"],
	"AcquisitionTime": "18:30:36.972500",
	"MagneticFieldStrength": 3,
	"FlipAngle": 30,
	"EchoTime": 0.014,
	"RepetitionTime": 0.6,
	"PhaseEncodingLines": 448,
	"AccelFactPE": 2,
	"PhaseEncodingDirection": "j-",
	"ConversionSoftware": "dcm2niix",
	"ConversionSoftwareVersion": "v1.0.20170818 (OpenJPEG build) Clang7.3.0"
}
