{
	"Modality": "MR",
	"Manufacturer": "Siemens",
	"ManufacturersModelName": "Skyra",
	"EchoTrainLength": 76,
	"AcquisitionNumber": 1,
	"InstitutionName": "The_University_of_Tokyo_Hospital",
	"InstitutionAddress": "Street_Hongo_Bunkyou-ku_Tokyo_JP_113-8655",
	"DeviceSerialNumber": "45896",
	"SoftwareVersions": "syngo_MR_E11",
	"ProcedureStepDescription": "jcohenadad_generic",
	"ScanningSequence": "SE",
	"SequenceVariant": "SK_SP_OSP",
	"SeriesDescription": "T2w",
	"BodyPartExamined": "NCK",
	"ProtocolName": "T2w",
	"SequenceName": "_spcR_100",
	"ImageType": ["ORIGINAL", "PRIMARY", "M", "NORM", "DIS3D", "DIS2D"],
	"AcquisitionTime": "18:18:15.012500",
	"MagneticFieldStrength": 3,
	"FlipAngle": 120,
	"EchoTime": 0.12,
	"RepetitionTime": 1.5,
	"PhaseEncodingLines": 320,
	"AccelFactPE": 3,
	"PhaseEncodingDirection": "j-",
	"ConversionSoftware": "dcm2niix",
	"ConversionSoftwareVersion": "v1.0.20170818 (OpenJPEG build) Clang7.3.0"
}
