{
    "Modality": "MR", 
    "MagneticFieldStrength": 3, 
    "ImagingFrequency": 123.156, 
    "Manufacturer": "Siemens", 
    "ManufacturersModelName": "Skyra", 
    "InstitutionName": "JUNTENDO_UNIV_HP", 
    "InstitutionalDepartmentName": "Tokyo", 
    "InstitutionAddress": "Hongo_3-1-3_Bunkyo-ku_Tokyo_JP_113-8431", 
    "DeviceSerialNumber": "46154", 
    "StationName": "AWP46154", 
    "BodyPartExamined": "CSPINE", 
    "PatientPosition": "HFS", 
    "ProcedureStepDescription": "jcohenadad_generic", 
    "SoftwareVersions": "syngo_MR_E11", 
    "MRAcquisitionType": "3D", 
    "SeriesDescription": "GRE-MT1", 
    "ProtocolName": "GRE-MT1", 
    "ScanningSequence": "GR", 
    "SequenceVariant": "MTC_SP", 
    "ScanOptions": "MT", 
    "SequenceName": "_fl3d1", 
    "ImageType": [
        "ORIGINAL", 
        "PRIMARY", 
        "M", 
        "DIS2D"
    ], 
    "SeriesNumber": 5, 
    "AcquisitionTime": "18:05:22.962500", 
    "AcquisitionNumber": 1, 
    "SliceThickness": 5, 
    "SAR": 0.659447, 
    "EchoTime": 0.00313, 
    "RepetitionTime": 0.035, 
    "FlipAngle": 9, 
    "PartialFourier": 1, 
    "BaseResolution": 256, 
    "ShimSetting": [
        -4699, 
        -7057, 
        11733, 
        -1783, 
        -260, 
        4841, 
        192, 
        101
    ], 
    "TxRefAmp": 354.398, 
    "PhaseResolution": 1, 
    "ReceiveCoilName": "HeadNeck_64", 
    "ReceiveCoilActiveElements": "HC5,7;NC1,2", 
    "CoilString": "HC5_7;NC1_2", 
    "PulseSequenceDetails": "%SiemensSeq%_gre", 
    "RefLinesPE": 32, 
    "ConsistencyInfo": "N4_VE11C_LATEST_20160120", 
    "PercentPhaseFOV": 100, 
    "PhaseEncodingSteps": 255, 
    "AcquisitionMatrixPE": 256, 
    "ReconMatrixPE": 256, 
    "PixelBandwidth": 260, 
    "DwellTime": 7.5e-06, 
    "ImageOrientationPatientDICOM": [
        0.999507, 
        -0.000383118, 
        0.0314014, 
        2.66229e-08, 
        0.999926, 
        0.0121989
    ], 
    "InPlanePhaseEncodingDirectionDICOM": "COL", 
    "ConversionSoftware": "dcm2niix", 
    "ConversionSoftwareVersion": "v1.0.20190410  (JP2:OpenJPEG) (JP-LS:CharLS) Clang8.1.0", 
    "Dcm2bidsVersion": "2.1.4"
}