{
    "Modality": "MR", 
    "MagneticFieldStrength": 3, 
    "ImagingFrequency": 123.155, 
    "Manufacturer": "Siemens", 
    "ManufacturersModelName": "Skyra", 
    "InstitutionName": "JUNTENDO_UNIV_HP", 
    "InstitutionalDepartmentName": "Tokyo", 
    "InstitutionAddress": "Hongo_3-1-3_Bunkyo-ku_Tokyo_JP_113-8431", 
    "DeviceSerialNumber": "46154", 
    "StationName": "AWP46154", 
    "BodyPartExamined": "CSPINE", 
    "PatientPosition": "HFS", 
    "ProcedureStepDescription": "jcohenadad_generic", 
    "SoftwareVersions": "syngo_MR_E11", 
    "MRAcquisitionType": "2D", 
    "SeriesDescription": "GRE-ME", 
    "ProtocolName": "GRE-ME", 
    "ScanningSequence": "GR", 
    "SequenceVariant": "SP", 
    "SequenceName": "_me2d1r3", 
    "ImageType": [
        "ORIGINAL", 
        "PRIMARY", 
        "M", 
        "NORM", 
        "DIS2D"
    ], 
    "SeriesNumber": 8, 
    "AcquisitionTime": "18:10:51.295000", 
    "AcquisitionNumber": 1, 
    "SliceThickness": 5, 
    "SpacingBetweenSlices": 5, 
    "SAR": 0.0249565, 
    "NumberOfAverages": 2, 
    "EchoTime": 0.014, 
    "RepetitionTime": 0.6, 
    "FlipAngle": 30, 
    "PartialFourier": 1, 
    "BaseResolution": 448, 
    "ShimSetting": [
        -4700, 
        -7220, 
        11239, 
        -1521, 
        -470, 
        1982, 
        614, 
        -2
    ], 
    "TxRefAmp": 354.398, 
    "PhaseResolution": 1, 
    "ReceiveCoilName": "HeadNeck_64", 
    "ReceiveCoilActiveElements": "HC7;NC1,2", 
    "CoilString": "HC7;NC1_2", 
    "PulseSequenceDetails": "%SiemensSeq%_medic", 
    "RefLinesPE": 24, 
    "ConsistencyInfo": "N4_VE11C_LATEST_20160120", 
    "PercentPhaseFOV": 100, 
    "EchoTrainLength": 3, 
    "PhaseEncodingSteps": 447, 
    "AcquisitionMatrixPE": 448, 
    "ReconMatrixPE": 448, 
    "ParallelReductionFactorInPlane": 2, 
    "PixelBandwidth": 260, 
    "DwellTime": 4.3e-06, 
    "PhaseEncodingDirection": "j-", 
    "ImageOrientationPatientDICOM": [
        0.999507, 
        -0.000383118, 
        0.0314014, 
        2.66229e-08, 
        0.999926, 
        0.0121989
    ], 
    "InPlanePhaseEncodingDirectionDICOM": "COL", 
    "ConversionSoftware": "dcm2niix", 
    "ConversionSoftwareVersion": "v1.0.20190410  (JP2:OpenJPEG) (JP-LS:CharLS) Clang8.1.0", 
    "Dcm2bidsVersion": "2.1.4"
}