{
    "Modality": "MR", 
    "MagneticFieldStrength": 3, 
    "ImagingFrequency": 123.155, 
    "Manufacturer": "Siemens", 
    "ManufacturersModelName": "Skyra", 
    "InstitutionName": "JUNTENDO_UNIV_HP", 
    "InstitutionalDepartmentName": "Tokyo", 
    "InstitutionAddress": "Hongo_3-1-3_Bunkyo-ku_Tokyo_JP_113-8431", 
    "DeviceSerialNumber": "46154", 
    "StationName": "AWP46154", 
    "BodyPartExamined": "CSPINE", 
    "PatientPosition": "HFS", 
    "ProcedureStepDescription": "jcohenadad_generic", 
    "SoftwareVersions": "syngo_MR_E11", 
    "MRAcquisitionType": "3D", 
    "SeriesDescription": "T1w", 
    "ProtocolName": "T1w", 
    "ScanningSequence": "GR_IR", 
    "SequenceVariant": "SK_SP_MP", 
    "ScanOptions": "IR", 
    "SequenceName": "_tfl3d1_16", 
    "ImageType": [
        "ORIGINAL", 
        "PRIMARY", 
        "M", 
        "NORM", 
        "DIS3D", 
        "DIS2D"
    ], 
    "SeriesNumber": 2, 
    "AcquisitionTime": "17:52:5.032500", 
    "AcquisitionNumber": 1, 
    "SliceThickness": 1, 
    "SAR": 0.0778172, 
    "EchoTime": 0.00372, 
    "RepetitionTime": 2, 
    "InversionTime": 1, 
    "FlipAngle": 9, 
    "PartialFourier": 1, 
    "BaseResolution": 320, 
    "ShimSetting": [
        -4665, 
        -6921, 
        11258, 
        66, 
        46, 
        41, 
        86, 
        39
    ], 
    "TxRefAmp": 340.751, 
    "PhaseResolution": 1, 
    "ReceiveCoilName": "HeadNeck_64", 
    "ReceiveCoilActiveElements": "HC1-7;NC1,2", 
    "CoilString": "HC1-7;NC1_2", 
    "PulseSequenceDetails": "%SiemensSeq%_tfl", 
    "RefLinesPE": 24, 
    "ConsistencyInfo": "N4_VE11C_LATEST_20160120", 
    "PercentPhaseFOV": 81.25, 
    "PhaseEncodingSteps": 259, 
    "AcquisitionMatrixPE": 260, 
    "ReconMatrixPE": 260, 
    "PixelBandwidth": 150, 
    "DwellTime": 1.04e-05, 
    "ImageOrientationPatientDICOM": [
        0, 
        1, 
        0, 
        0.0627905, 
        0, 
        -0.998027
    ], 
    "InPlanePhaseEncodingDirectionDICOM": "ROW", 
    "ConversionSoftware": "dcm2niix", 
    "ConversionSoftwareVersion": "v1.0.20190410  (JP2:OpenJPEG) (JP-LS:CharLS) Clang8.1.0", 
    "Dcm2bidsVersion": "2.1.4"
}