{
    "Modality": "MR", 
    "MagneticFieldStrength": 3, 
    "ImagingFrequency": 123.155, 
    "Manufacturer": "Siemens", 
    "ManufacturersModelName": "Skyra", 
    "InstitutionName": "JUNTENDO_UNIV_HP", 
    "InstitutionalDepartmentName": "Tokyo", 
    "InstitutionAddress": "Hongo_3-1-3_Bunkyo-ku_Tokyo_JP_113-8431", 
    "DeviceSerialNumber": "46154", 
    "StationName": "AWP46154", 
    "BodyPartExamined": "CSPINE", 
    "PatientPosition": "HFS", 
    "ProcedureStepDescription": "jcohenadad_generic", 
    "SoftwareVersions": "syngo_MR_E11", 
    "MRAcquisitionType": "3D", 
    "SeriesDescription": "T2w", 
    "ProtocolName": "T2w", 
    "ScanningSequence": "SE", 
    "SequenceVariant": "SK_SP_OSP", 
    "ScanOptions": "PFP", 
    "SequenceName": "_spcR_100", 
    "ImageType": [
        "ORIGINAL", 
        "PRIMARY", 
        "M", 
        "NORM", 
        "DIS3D", 
        "DIS2D"
    ], 
    "SeriesNumber": 3, 
    "AcquisitionTime": "17:57:12.065000", 
    "AcquisitionNumber": 1, 
    "SliceThickness": 0.8, 
    "SAR": 0.668571, 
    "NumberOfAverages": 2, 
    "EchoTime": 0.12, 
    "RepetitionTime": 1.5, 
    "FlipAngle": 120, 
    "PartialFourier": 1, 
    "BaseResolution": 320, 
    "ShimSetting": [
        -4665, 
        -6921, 
        11258, 
        66, 
        46, 
        41, 
        86, 
        39
    ], 
    "TxRefAmp": 354.728, 
    "PhaseResolution": 1, 
    "PhaseOversampling": 0.8, 
    "ReceiveCoilName": "Spine_32", 
    "ReceiveCoilActiveElements": "HC3-7;NC1,2;SP1", 
    "CoilString": "HC3-7;NC1_2;SP1", 
    "PulseSequenceDetails": "%SiemensSeq%_tse_vfl", 
    "RefLinesPE": 32, 
    "ConsistencyInfo": "N4_VE11C_LATEST_20160120", 
    "PercentPhaseFOV": 100, 
    "EchoTrainLength": 76, 
    "PhaseEncodingSteps": 422, 
    "AcquisitionMatrixPE": 320, 
    "ReconMatrixPE": 320, 
    "PixelBandwidth": 625, 
    "DwellTime": 2.5e-06, 
    "ImageOrientationPatientDICOM": [
        -2.65e-13, 
        1, 
        4.889e-12, 
        0.0540788, 
        4.897e-12, 
        -0.998537
    ], 
    "InPlanePhaseEncodingDirectionDICOM": "COL", 
    "ConversionSoftware": "dcm2niix", 
    "ConversionSoftwareVersion": "v1.0.20190410  (JP2:OpenJPEG) (JP-LS:CharLS) Clang8.1.0", 
    "Dcm2bidsVersion": "2.1.4"
}