{
    "Modality": "MR", 
    "MagneticFieldStrength": 3, 
    "ImagingFrequency": 123.259, 
    "Manufacturer": "Siemens", 
    "ManufacturersModelName": "Prisma_fit", 
    "InstitutionName": "IUGM", 
    "InstitutionalDepartmentName": "Department", 
    "InstitutionAddress": "Chemin_Queen-Mary_4565_Montreal_District_CA_H3W_1W5", 
    "DeviceSerialNumber": "167006", 
    "StationName": "MRC35049", 
    "BodyPartExamined": "BRAIN", 
    "PatientPosition": "HFS", 
    "ProcedureStepDescription": "spine_generic", 
    "SoftwareVersions": "syngo_MR_E11", 
    "MRAcquisitionType": "3D", 
    "SeriesDescription": "GRE-MT1", 
    "ProtocolName": "GRE-MT1", 
    "ScanningSequence": "GR", 
    "SequenceVariant": "MTC_SP", 
    "ScanOptions": "MT", 
    "SequenceName": "_fl3d1", 
    "ImageType": [
        "ORIGINAL", 
        "PRIMARY", 
        "M", 
        "DIS2D"
    ], 
    "SeriesNumber": 5, 
    "AcquisitionTime": "14:22:4.960000", 
    "AcquisitionNumber": 1, 
    "SliceThickness": 5, 
    "SAR": 0.534725, 
    "EchoTime": 0.00313, 
    "RepetitionTime": 0.035, 
    "FlipAngle": 9, 
    "PartialFourier": 1, 
    "BaseResolution": 256, 
    "ShimSetting": [
        597, 
        -7376, 
        -9168, 
        -1217, 
        -242, 
        2523, 
        25, 
        154
    ], 
    "TxRefAmp": 271.599, 
    "PhaseResolution": 1, 
    "ReceiveCoilName": "HeadNeck_64", 
    "ReceiveCoilActiveElements": "HC5,7;NC1,2", 
    "CoilString": "HC5_7;NC1_2", 
    "PulseSequenceDetails": "%SiemensSeq%_gre", 
    "RefLinesPE": 32, 
    "ConsistencyInfo": "N4_VE11C_LATEST_20160120", 
    "PercentPhaseFOV": 100, 
    "PhaseEncodingSteps": 255, 
    "AcquisitionMatrixPE": 256, 
    "ReconMatrixPE": 256, 
    "PixelBandwidth": 260, 
    "DwellTime": 7.5e-06, 
    "ImageOrientationPatientDICOM": [
        1, 
        0, 
        0, 
        0, 
        0.997801, 
        0.0662739
    ], 
    "InPlanePhaseEncodingDirectionDICOM": "COL", 
    "ConversionSoftware": "dcm2niix", 
    "ConversionSoftwareVersion": "v1.0.20190410  (JP2:OpenJPEG) (JP-LS:CharLS) Clang8.1.0", 
    "Dcm2bidsVersion": "2.1.4"
}