{
    "Modality": "MR", 
    "MagneticFieldStrength": 3, 
    "ImagingFrequency": 127.696, 
    "Manufacturer": "GE", 
    "ManufacturersModelName": "Signa_HDxt", 
    "InstitutionName": "TOKYO_UNIV_HOSPITAL", 
    "DeviceSerialNumber": "0000000000YM1801", 
    "StationName": "GEMSGEMS", 
    "PatientPosition": "HFS", 
    "SoftwareVersions": "24_LX_MR_Software_release:HD16.0_V03_1638.a", 
    "MRAcquisitionType": "2D", 
    "SeriesDescription": "DWI", 
    "ProtocolName": "DWI", 
    "ScanningSequence": "EP_SE", 
    "SequenceVariant": "NONE", 
    "ScanOptions": "SAT_GEMS_EPI_GEMS_PFF_SP_FS", 
    "ImageType": [
        "ORIGINAL", 
        "PRIMARY", 
        "OTHER"
    ], 
    "SeriesNumber": 5, 
    "AcquisitionTime": "19:47:26.000000", 
    "AcquisitionNumber": 1, 
    "SliceThickness": 5, 
    "SpacingBetweenSlices": 5, 
    "SAR": 0.360828, 
    "EchoTime": 0.0799, 
    "RepetitionTime": 4, 
    "FlipAngle": 90, 
    "PhaseEncodingPolarityGE": "Flipped", 
    "CoilString": "HNS_Head", 
    "PercentPhaseFOV": 50, 
    "AcquisitionMatrixPE": 48, 
    "ReconMatrixPE": 96, 
    "EffectiveEchoSpacing": 0.00094, 
    "TotalReadoutTime": 0.0893, 
    "PixelBandwidth": 2604.17, 
    "PhaseEncodingDirection": "j", 
    "ImageOrientationPatientDICOM": [
        0.998132, 
        0, 
        0.0610976, 
        -0.000457764, 
        0.999971, 
        0.00766019
    ], 
    "InPlanePhaseEncodingDirectionDICOM": "COL", 
    "ConversionSoftware": "dcm2niix", 
    "ConversionSoftwareVersion": "v1.0.20190410  (JP2:OpenJPEG) (JP-LS:CharLS) Clang8.1.0", 
    "Dcm2bidsVersion": "2.1.4"
}