{
	"Modality": "MR",
	"Manufacturer": "Philips",
	"ManufacturersModelName": "Ingenia_CX",
	"EchoTrainLength": 3,
	"AcquisitionNumber": 8,
	"InstitutionName": "Tokyo_University_Hospital",
	"DeviceSerialNumber": "78091",
	"SoftwareVersions": "5.3.1_5.3.1.1",
	"ScanningSequence": "GR",
	"SequenceVariant": "SS",
	"SeriesDescription": "GRE-ME",
	"BodyPartExamined": "SPINE",
	"ProtocolName": "GRE-ME",
	"ImageType": ["ORIGINAL", "PRIMARY", "M", "FFE", "M", "FFE"],
	"AcquisitionTime": "17:54:30.410000",
	"PhilipsRescaleSlope": 6.46593,
	"PhilipsRescaleIntercept": 0,
	"PhilipsScaleSlope": 0.0616548,
	"UsePhilipsFloatNotDisplayScaling": 1,
	"MagneticFieldStrength": 3,
	"FlipAngle": 30,
	"EchoTime": 0.002242,
	"RepetitionTime": 0.625,
	"PhaseEncodingLines": 320,
	"ConversionSoftware": "dcm2niix",
	"ConversionSoftwareVersion": "v1.0.20170818 (OpenJPEG build) Clang7.3.0"
}
