{
	"Modality": "MR",
	"Manufacturer": "Philips",
	"ManufacturersModelName": "Ingenia_CX",
	"EchoTrainLength": 92,
	"AcquisitionNumber": 4,
	"InstitutionName": "Tokyo_University_Hospital",
	"DeviceSerialNumber": "78091",
	"SoftwareVersions": "5.3.1_5.3.1.1",
	"ScanningSequence": "SE",
	"SequenceVariant": "SK",
	"SeriesDescription": "T2w",
	"BodyPartExamined": "SPINE",
	"ProtocolName": "T2w",
	"ImageType": ["ORIGINAL", "PRIMARY", "M", "SE", "M", "SE"],
	"AcquisitionTime": "17:35:9.560000",
	"PhilipsRescaleSlope": 1.442,
	"PhilipsRescaleIntercept": 0,
	"PhilipsScaleSlope": 0.00103748,
	"UsePhilipsFloatNotDisplayScaling": 1,
	"MagneticFieldStrength": 3,
	"FlipAngle": 90,
	"EchoTime": 0.12,
	"RepetitionTime": 3.5,
	"PhaseEncodingLines": 316,
	"ConversionSoftware": "dcm2niix",
	"ConversionSoftwareVersion": "v1.0.20170818 (OpenJPEG build) Clang7.3.0"
}
