{
	"Modality": "MR",
	"Manufacturer": "Philips",
	"ManufacturersModelName": "Ingenia_CX",
	"EchoTrainLength": 246,
	"AcquisitionNumber": 3,
	"InstitutionName": "Tokyo_University_Hospital",
	"DeviceSerialNumber": "78091",
	"SoftwareVersions": "5.3.1_5.3.1.1",
	"ScanningSequence": "GR",
	"SequenceVariant": "MP",
	"SeriesDescription": "T1w",
	"BodyPartExamined": "SPINE",
	"ProtocolName": "T1w",
	"ImageType": ["ORIGINAL", "PRIMARY", "M", "FFE", "M", "FFE"],
	"AcquisitionTime": "17:29:41.760000",
	"PhilipsRescaleSlope": 3.50989,
	"PhilipsRescaleIntercept": 0,
	"PhilipsScaleSlope": 0.00399305,
	"UsePhilipsFloatNotDisplayScaling": 1,
	"MagneticFieldStrength": 3,
	"FlipAngle": 9,
	"EchoTime": 0.003545,
	"RepetitionTime": 0.0076071,
	"PhaseEncodingLines": 320,
	"ConversionSoftware": "dcm2niix",
	"ConversionSoftwareVersion": "v1.0.20170818 (OpenJPEG build) Clang7.3.0"
}
