{
	"Modality": "MR",
	"Manufacturer": "Philips",
	"ManufacturersModelName": "Ingenia_CX",
	"AcquisitionNumber": 7,
	"InstitutionName": "Tokyo_University_Hospital",
	"DeviceSerialNumber": "78091",
	"SoftwareVersions": "5.3.1_5.3.1.1",
	"ScanningSequence": "GR",
	"SequenceVariant": "SP",
	"SeriesDescription": "GRE-T1",
	"BodyPartExamined": "SPINE",
	"ProtocolName": "GRE-T1",
	"ImageType": ["ORIGINAL", "PRIMARY", "M", "FFE", "M", "FFE"],
	"AcquisitionTime": "17:53:22.210000",
	"PhilipsRescaleSlope": 1.78779,
	"PhilipsRescaleIntercept": 0,
	"PhilipsScaleSlope": 0.000721092,
	"UsePhilipsFloatNotDisplayScaling": 1,
	"MagneticFieldStrength": 3,
	"FlipAngle": 15,
	"EchoTime": 0.002001,
	"RepetitionTime": 0.015,
	"PhaseEncodingLines": 256,
	"ConversionSoftware": "dcm2niix",
	"ConversionSoftwareVersion": "v1.0.20170818 (OpenJPEG build) Clang7.3.0"
}
