{
	"Modality": "MR",
	"Manufacturer": "GE",
	"ManufacturersModelName": "DISCOVERY_MR750",
	"EchoTrainLength": 3,
	"AcquisitionNumber": 1,
	"InstitutionName": "CHIBA_UNIV_HOSPITAL",
	"DeviceSerialNumber": "0000000000EM0002",
	"SoftwareVersions": "25_LX_MR_Software_release:DV25.0_R02_1549.b",
	"ProcedureStepDescription": "20180605julienGE",
	"ScanningSequence": "GR",
	"SequenceVariant": "SS_SK",
	"SeriesDescription": "Axi_2D_MERGE",
	"ProtocolName": "Axi_2D_MERGE",
	"ImageType": ["ORIGINAL", "PRIMARY", "OTHER"],
	"AcquisitionTime": "19:07:31.000000",
	"MagneticFieldStrength": 3,
	"FlipAngle": 30,
	"EchoTime": 0.010784,
	"RepetitionTime": 0.6,
	"PhaseEncodingLines": 448,
	"ConversionSoftware": "dcm2niix",
	"ConversionSoftwareVersion": "v1.0.20170818 (OpenJPEG build) Clang7.3.0"
}
