{
	"Modality": "MR",
	"Manufacturer": "GE",
	"ManufacturersModelName": "DISCOVERY_MR750",
	"RawImage": false,
	"AcquisitionNumber": 1,
	"InstitutionName": "CHIBA_UNIV_HOSPITAL",
	"DeviceSerialNumber": "0000000000EM0002",
	"SoftwareVersions": "25_LX_MR_Software_release:DV25.0_R02_1549.b",
	"ProcedureStepDescription": "20180605julienGE",
	"ScanningSequence": "GR",
	"SequenceVariant": "SS_SP_SK",
	"SeriesDescription": "SC:Sag_3D_IR-FSPGR",
	"ProtocolName": "SC:Sag_3D_IR-FSPGR",
	"ImageType": ["DERIVED", "PRIMARY", "OTHER"],
	"AcquisitionTime": "18:38:49.000000",
	"MagneticFieldStrength": 3,
	"FlipAngle": 9,
	"EchoTime": 0.00176,
	"RepetitionTime": 0.004408,
	"InversionTime": 1,
	"PhaseEncodingLines": 256,
	"ConversionSoftware": "dcm2niix",
	"ConversionSoftwareVersion": "v1.0.20170818 (OpenJPEG build) Clang7.3.0"
}
