{
	"Modality": "MR",
	"Manufacturer": "GE",
	"ManufacturersModelName": "DISCOVERY_MR750",
	"EchoTrainLength": 78,
	"RawImage": false,
	"AcquisitionNumber": 1,
	"InstitutionName": "CHIBA_UNIV_HOSPITAL",
	"DeviceSerialNumber": "0000000000EM0002",
	"SoftwareVersions": "25_LX_MR_Software_release:DV25.0_R02_1549.b",
	"ProcedureStepDescription": "20180605julienGE",
	"ScanningSequence": "SE",
	"SequenceVariant": "SK_OSP",
	"SeriesDescription": "SC:Sag_CUBE_T2",
	"ProtocolName": "SC:Sag_CUBE_T2",
	"ImageType": ["DERIVED", "PRIMARY", "OTHER"],
	"AcquisitionTime": "18:48:8.000000",
	"MagneticFieldStrength": 3,
	"FlipAngle": 90,
	"EchoTime": 0.136222,
	"RepetitionTime": 2.5,
	"PhaseEncodingLines": 320,
	"ConversionSoftware": "dcm2niix",
	"ConversionSoftwareVersion": "v1.0.20170818 (OpenJPEG build) Clang7.3.0"
}
