{
	"Modality": "MR",
	"Manufacturer": "GE",
	"ManufacturersModelName": "DISCOVERY_MR750",
	"AcquisitionNumber": 1,
	"InstitutionName": "CHIBA_UNIV_HOSPITAL",
	"DeviceSerialNumber": "0000000000EM0002",
	"SoftwareVersions": "25_LX_MR_Software_release:DV25.0_R02_1549.b",
	"ProcedureStepDescription": "20180605julienGE",
	"ScanningSequence": "GR",
	"SequenceVariant": "SS_SP",
	"SeriesDescription": "Axi_3D_SPGR",
	"ProtocolName": "Axi_3D_SPGR",
	"ImageType": ["ORIGINAL", "PRIMARY", "OTHER"],
	"AcquisitionTime": "19:05:43.000000",
	"MagneticFieldStrength": 3,
	"FlipAngle": 15,
	"EchoTime": 0.004,
	"RepetitionTime": 0.015,
	"PhaseEncodingLines": 192,
	"ConversionSoftware": "dcm2niix",
	"ConversionSoftwareVersion": "v1.0.20170818 (OpenJPEG build) Clang7.3.0"
}
