{
    "Modality": "MR", 
    "MagneticFieldStrength": 3, 
    "ImagingFrequency": 123.264, 
    "Manufacturer": "Siemens", 
    "ManufacturersModelName": "Skyra", 
    "InstitutionName": "Polytechnique_Montreal", 
    "InstitutionalDepartmentName": "Department", 
    "InstitutionAddress": "avenue_Decelles_5155_Montreal_District_CA_H3T_2B1", 
    "DeviceSerialNumber": "145264", 
    "StationName": "AWP145264", 
    "BodyPartExamined": "BRAIN", 
    "PatientPosition": "HFS", 
    "ProcedureStepDescription": "jcohenadad_generic", 
    "SoftwareVersions": "syngo_MR_E11", 
    "MRAcquisitionType": "2D", 
    "SeriesDescription": "DWI", 
    "ProtocolName": "DWI", 
    "ScanningSequence": "EP", 
    "SequenceVariant": "SK_SP", 
    "ScanOptions": "PFP_SFS_CT", 
    "SequenceName": "_ez_b0", 
    "ImageType": [
        "ORIGINAL", 
        "PRIMARY", 
        "DIFFUSION", 
        "NONE", 
        "ND", 
        "MOSAIC"
    ], 
    "SeriesNumber": 4, 
    "AcquisitionTime": "14:42:42.452500", 
    "AcquisitionNumber": 1, 
    "SliceThickness": 5, 
    "SpacingBetweenSlices": 5, 
    "SAR": 0.304923, 
    "EchoTime": 0.086, 
    "RepetitionTime": 0.62, 
    "FlipAngle": 90, 
    "PartialFourier": 0.875, 
    "BaseResolution": 96, 
    "ShimSetting": [
        11042, 
        3284, 
        9722, 
        -1631, 
        -85, 
        2960, 
        1844, 
        11
    ], 
    "DiffusionScheme": "Monopolar", 
    "TxRefAmp": 387.767, 
    "PhaseResolution": 1, 
    "ReceiveCoilName": "HeadNeck_20", 
    "ReceiveCoilActiveElements": "HE3,4;NE1,2", 
    "CoilString": "HE3_4;NE1_2", 
    "PulseSequenceDetails": "%SiemensSeq%_ep2d_diff", 
    "ConsistencyInfo": "N4_VE11C_LATEST_20160120", 
    "PercentPhaseFOV": 37.5, 
    "EchoTrainLength": 31, 
    "PhaseEncodingSteps": 31, 
    "AcquisitionMatrixPE": 36, 
    "ReconMatrixPE": 36, 
    "BandwidthPerPixelPhaseEncode": 25.72, 
    "EffectiveEchoSpacing": 0.00108001, 
    "DerivedVendorReportedEchoSpacing": 0.00108001, 
    "TotalReadoutTime": 0.0378002, 
    "PixelBandwidth": 1270, 
    "DwellTime": 4.1e-06, 
    "PhaseEncodingDirection": "j-", 
    "SliceTiming": [
        0, 
        0.74, 
        1.49, 
        2.245, 
        3.005, 
        0.2, 
        0.94, 
        1.69, 
        2.445, 
        3.205, 
        0.4, 
        1.14, 
        1.89, 
        2.645, 
        3.405
    ], 
    "ImageOrientationPatientDICOM": [
        1, 
        0, 
        0, 
        0, 
        0.996041, 
        0.0888943
    ], 
    "InPlanePhaseEncodingDirectionDICOM": "COL", 
    "ConversionSoftware": "dcm2niix", 
    "ConversionSoftwareVersion": "v1.0.20190410  (JP2:OpenJPEG) (JP-LS:CharLS) Clang8.1.0", 
    "Dcm2bidsVersion": "2.1.4"
}