{
    "Modality": "MR", 
    "MagneticFieldStrength": 3, 
    "ImagingFrequency": 123.247, 
    "Manufacturer": "Siemens", 
    "ManufacturersModelName": "TrioTim", 
    "InstitutionName": "Martinos_Center_Bay_3", 
    "InstitutionalDepartmentName": "Research", 
    "InstitutionAddress": "MGH_149_Charlestown_Charlestown_US_02129", 
    "DeviceSerialNumber": "35162", 
    "StationName": "BAY3OC", 
    "PatientPosition": "HFS", 
    "ProcedureStepDescription": "INVESTIGATORS_Himanshu", 
    "SoftwareVersions": "syngo_MR_B17", 
    "MRAcquisitionType": "3D", 
    "SeriesDescription": "T1w", 
    "ProtocolName": "T1w", 
    "ScanningSequence": "GR_IR", 
    "SequenceVariant": "SP_MP", 
    "ScanOptions": "IR", 
    "SequenceName": "_tfl3d1", 
    "ImageType": [
        "ORIGINAL", 
        "PRIMARY", 
        "M", 
        "NORM", 
        "DIS2D"
    ], 
    "SeriesNumber": 11, 
    "AcquisitionTime": "19:28:37.980000", 
    "AcquisitionNumber": 1, 
    "SliceThickness": 1, 
    "SAR": 0.133879, 
    "EchoTime": 0.00321, 
    "RepetitionTime": 2, 
    "InversionTime": 1, 
    "FlipAngle": 9, 
    "PartialFourier": 1, 
    "BaseResolution": 320, 
    "ShimSetting": [
        1904, 
        -10542, 
        5063, 
        -53, 
        -25, 
        -217, 
        329, 
        -14
    ], 
    "TxRefAmp": 306.936, 
    "PhaseResolution": 1, 
    "ReceiveCoilName": "NeckMatrix", 
    "CoilString": "T:HEA;HEP;NE1_2", 
    "PulseSequenceDetails": "%SiemensSeq%_tfl", 
    "RefLinesPE": 32, 
    "PercentPhaseFOV": 81.25, 
    "PhaseEncodingSteps": 259, 
    "AcquisitionMatrixPE": 260, 
    "ReconMatrixPE": 260, 
    "PixelBandwidth": 150, 
    "DwellTime": 1.04e-05, 
    "ImageOrientationPatientDICOM": [
        0, 
        1, 
        -0.000349045, 
        0, 
        -0.000349045, 
        -1
    ], 
    "InPlanePhaseEncodingDirectionDICOM": "ROW", 
    "ConversionSoftware": "dcm2niix", 
    "ConversionSoftwareVersion": "v1.0.20190410  (JP2:OpenJPEG) (JP-LS:CharLS) Clang8.1.0", 
    "Dcm2bidsVersion": "2.1.4"
}