{
    "Modality": "MR", 
    "MagneticFieldStrength": 3, 
    "ImagingFrequency": 123.247, 
    "Manufacturer": "Siemens", 
    "ManufacturersModelName": "TrioTim", 
    "InstitutionName": "Martinos_Center_Bay_3", 
    "InstitutionalDepartmentName": "Research", 
    "InstitutionAddress": "MGH_149_Charlestown_Charlestown_US_02129", 
    "DeviceSerialNumber": "35162", 
    "StationName": "BAY3OC", 
    "PatientPosition": "HFS", 
    "ProcedureStepDescription": "INVESTIGATORS_jcohen", 
    "SoftwareVersions": "syngo_MR_B17", 
    "MRAcquisitionType": "3D", 
    "SeriesDescription": "T2w", 
    "ProtocolName": "T2w", 
    "ScanningSequence": "SE", 
    "SequenceVariant": "SK_SP", 
    "ScanOptions": "PFP", 
    "SequenceName": "_spcR3d1_87", 
    "ImageType": [
        "ORIGINAL", 
        "PRIMARY", 
        "M", 
        "NORM", 
        "DIS2D"
    ], 
    "SeriesNumber": 2, 
    "AcquisitionTime": "09:37:38.137500", 
    "AcquisitionNumber": 1, 
    "SliceThickness": 0.8, 
    "SAR": 1.26241, 
    "NumberOfAverages": 2, 
    "EchoTime": 0.118, 
    "RepetitionTime": 2, 
    "FlipAngle": 180, 
    "PartialFourier": 1, 
    "BaseResolution": 320, 
    "ShimSetting": [
        1863, 
        -10527, 
        4800, 
        124, 
        -32, 
        79, 
        -16, 
        -26
    ], 
    "TxRefAmp": 310.66, 
    "PhaseResolution": 1.0125, 
    "ReceiveCoilName": "NeckMatrix", 
    "CoilString": "T:HEA;HEP;NE1_2", 
    "PulseSequenceDetails": "%SiemensSeq%_tse_vfl", 
    "RefLinesPE": 24, 
    "PercentPhaseFOV": 100, 
    "EchoTrainLength": 87, 
    "PhaseEncodingSteps": 247, 
    "AcquisitionMatrixPE": 324, 
    "ReconMatrixPE": 320, 
    "PixelBandwidth": 625, 
    "DwellTime": 2.5e-06, 
    "ImageOrientationPatientDICOM": [
        1e-16, 
        1, 
        0, 
        -0.012217, 
        -1e-16, 
        -0.999925
    ], 
    "InPlanePhaseEncodingDirectionDICOM": "ROW", 
    "ConversionSoftware": "dcm2niix", 
    "ConversionSoftwareVersion": "v1.0.20190410  (JP2:OpenJPEG) (JP-LS:CharLS) Clang8.1.0", 
    "Dcm2bidsVersion": "2.1.4"
}