{
	"Modality": "MR",
	"Manufacturer": "Siemens",
	"ManufacturersModelName": "Skyra",
	"EchoTrainLength": 31,
	"AcquisitionNumber": 1,
	"InstitutionName": "The_University_of_Tokyo_Hospital",
	"InstitutionAddress": "Street_Hongo_Bunkyou-ku_Tokyo_JP_113-8655",
	"DeviceSerialNumber": "45896",
	"SoftwareVersions": "syngo_MR_E11",
	"ProcedureStepDescription": "jcohenadad_generic",
	"ScanningSequence": "EP",
	"SequenceVariant": "SK_SP",
	"SeriesDescription": "DWI",
	"BodyPartExamined": "NCK",
	"ProtocolName": "DWI",
	"SequenceName": "_ez_b0",
	"ImageType": ["ORIGINAL", "PRIMARY", "DIFFUSION", "NONE", "ND", "MOSAIC"],
	"AcquisitionTime": "18:23:21.487500",
	"MagneticFieldStrength": 3,
	"FlipAngle": 90,
	"EchoTime": 0.086,
	"RepetitionTime": 3,
	"PhaseEncodingLines": 36,
	"BandwidthPerPixelPhaseEncode": 25.72,
	"EffectiveEchoSpacing": 0.00108001,
	"TotalReadoutTime": 0.0324002,
	"SliceTiming": [
		1.3925,
		2.7825,
		1.1925,
		2.5825,
		0.995,
		2.385,
		0.795,
		2.185,
		0.5975,
		1.9875,
		0.3975,
		1.79,
		0.2,
		1.59,
		0	],
	"PhaseEncodingDirection": "j-",
	"ConversionSoftware": "dcm2niix",
	"ConversionSoftwareVersion": "v1.0.20170818 (OpenJPEG build) Clang7.3.0"
}
