{
    "Modality": "MR",
    "MagneticFieldStrength": 3,
    "ImagingFrequency": 123.228,
    "Manufacturer": "Siemens",
    "ManufacturersModelName": "Prisma",
    "InstitutionName": "The_John_Radcliffe",
    "InstitutionalDepartmentName": "Department",
    "InstitutionAddress": "Headley_Way_StreetNo_Oxford_District_GB_OX3_9DU",
    "DeviceSerialNumber": "66050",
    "StationName": "AWP66050",
    "BodyPartExamined": "SPINE",
    "PatientPosition": "HFS",
    "SoftwareVersions": "syngo_MR_E11",
    "MRAcquisitionType": "3D",
    "SeriesDescription": "T2w",
    "ProtocolName": "T2w",
    "ScanningSequence": "SE",
    "SequenceVariant": "SK_SP_OSP",
    "ScanOptions": "PFP",
    "SequenceName": "_spcR_100",
    "ImageType": [
        "ORIGINAL",
        "PRIMARY",
        "M",
        "NORM",
        "DIS3D",
        "DIS2D"
    ],
    "SeriesNumber": 3,
    "AcquisitionTime": "16:47:0.040000",
    "AcquisitionNumber": 1,
    "SliceThickness": 0.8,
    "SAR": 0.481295,
    "NumberOfAverages": 2,
    "EchoTime": 0.12,
    "RepetitionTime": 1.5,
    "FlipAngle": 120,
    "PartialFourier": 1,
    "BaseResolution": 320,
    "ShimSetting": [
        338,
        -11475,
        1397,
        86,
        229,
        229,
        64,
        -34
    ],
    "TxRefAmp": 265.005,
    "PhaseResolution": 1,
    "PhaseOversampling": 0.8,
    "ReceiveCoilName": "Spine_32",
    "ReceiveCoilActiveElements": "HC5-7;NC1,2;SP1",
    "CoilString": "HC5-7;NC1_2;SP1",
    "PulseSequenceDetails": "%SiemensSeq%_tse_vfl",
    "RefLinesPE": 32,
    "ConsistencyInfo": "N4_VE11C_LATEST_20160120",
    "PercentPhaseFOV": 100,
    "PercentSampling": 100,
    "EchoTrainLength": 76,
    "PhaseEncodingSteps": 422,
    "AcquisitionMatrixPE": 320,
    "ReconMatrixPE": 320,
    "ParallelReductionFactorInPlane": 3,
    "PixelBandwidth": 625,
    "DwellTime": 2.5e-06,
    "PhaseEncodingDirection": "j-",
    "ImageOrientationPatientDICOM": [
        -9e-15,
        1,
        4.897e-12,
        0.0017453,
        4.897e-12,
        -0.999998
    ],
    "InPlanePhaseEncodingDirectionDICOM": "COL",
    "ConversionSoftware": "dcm2niix",
    "ConversionSoftwareVersion": "v1.0.20200331",
    "Dcm2bidsVersion": "2.1.4"
}