{
	"Modality": "MR",
	"MagneticFieldStrength": 3,
	"ImagingFrequency": 127.766,
	"Manufacturer": "Philips",
	"ManufacturersModelName": "Ingenia",
	"InstitutionName": "Mcgill_University",
	"InstitutionalDepartmentName": "IRM",
	"InstitutionAddress": "Montreal_Canada",
	"DeviceSerialNumber": "71068",
	"StationName": "PHILIPS-C08M7LS",
	"PatientPosition": "HFS",
	"SoftwareVersions": "5.1.7_5.1.7.2",
	"MRAcquisitionType": "3D",
	"SeriesDescription": "GRE-T1",
	"ProtocolName": "WIP_GRE-T1_SENSE",
	"ScanningSequence": "GR",
	"SequenceVariant": "SP",
	"ScanOptions": "PFF",
	"ImageType": ["ORIGINAL", "PRIMARY", "M", "FFE", "M", "FFE"],
	"SeriesNumber": 901,
	"AcquisitionTime": "17:09:38.260000",
	"AcquisitionNumber": 9,
	"PhilipsRescaleSlope": 4.45177,
	"PhilipsRescaleIntercept": 0,
	"PhilipsScaleSlope": 0.000688301,
	"UsePhilipsFloatNotDisplayScaling": 1,
	"SliceThickness": 5,
	"SpacingBetweenSlices": 5,
	"SAR": 0.347972,
	"EchoTime": 0.002901,
	"RepetitionTime": 0.015,
	"FlipAngle": 15,
	"CoilString": "MULTI_COIL",
	"PercentPhaseFOV": 100,
	"PhaseEncodingSteps": 256,
	"AcquisitionMatrixPE": 256,
	"ReconMatrixPE": 256,
	"PixelBandwidth": 261,
	"ImageOrientationPatientDICOM": [
		0.999213,
		3.4171e-10,
		0.0396662,
		-0.00572032,
		0.989547,
		0.144098	],
	"InPlanePhaseEncodingDirectionDICOM": "COL",
	"ConversionSoftware": "dcm2niix",
	"ConversionSoftwareVersion": "v1.0.20190410  (JP2:OpenJPEG) (JP-LS:CharLS) Clang8.1.0"
}
