{
	"Modality": "MR",
	"MagneticFieldStrength": 3,
	"ImagingFrequency": 127.765,
	"Manufacturer": "Philips",
	"ManufacturersModelName": "Ingenia",
	"InstitutionName": "Mcgill_University",
	"InstitutionalDepartmentName": "IRM",
	"InstitutionAddress": "Montreal_Canada",
	"DeviceSerialNumber": "71068",
	"StationName": "PHILIPS-C08M7LS",
	"PatientPosition": "HFS",
	"SoftwareVersions": "5.1.7_5.1.7.2",
	"MRAcquisitionType": "3D",
	"SeriesDescription": "T2w",
	"ProtocolName": "WIP_T2w_SENSE",
	"ScanningSequence": "SE",
	"SequenceVariant": "SK",
	"ScanOptions": "PFP",
	"ImageType": ["ORIGINAL", "PRIMARY", "M", "SE", "M", "SE"],
	"SeriesNumber": 301,
	"AcquisitionTime": "16:39:24.080000",
	"AcquisitionNumber": 3,
	"PhilipsRescaleSlope": 2.2464,
	"PhilipsRescaleIntercept": 0,
	"PhilipsScaleSlope": 0.00137913,
	"UsePhilipsFloatNotDisplayScaling": 1,
	"SliceThickness": 0.8,
	"SpacingBetweenSlices": 0.8,
	"SAR": 1.59175,
	"EchoTime": 0.12,
	"RepetitionTime": 3.5,
	"FlipAngle": 90,
	"CoilString": "MULTI_COIL",
	"PercentPhaseFOV": 92.5,
	"EchoTrainLength": 92,
	"PhaseEncodingSteps": 318,
	"AcquisitionMatrixPE": 318,
	"ReconMatrixPE": 320,
	"PixelBandwidth": 411,
	"ImageOrientationPatientDICOM": [
		0,
		1,
		0,
		0.0396662,
		0,
		-0.999213	],
	"InPlanePhaseEncodingDirectionDICOM": "ROW",
	"ConversionSoftware": "dcm2niix",
	"ConversionSoftwareVersion": "v1.0.20190410  (JP2:OpenJPEG) (JP-LS:CharLS) Clang8.1.0"
}
