{
    "Modality": "MR", 
    "MagneticFieldStrength": 3, 
    "ImagingFrequency": 127.715, 
    "Manufacturer": "Philips", 
    "ManufacturersModelName": "Achieva", 
    "InstitutionName": "Inst_of_Neurology", 
    "InstitutionalDepartmentName": "MRI", 
    "DeviceSerialNumber": "38023", 
    "StationName": "ION_NMR_ACHIEVA", 
    "BodyPartExamined": "CSPINE", 
    "PatientPosition": "HFS", 
    "ProcedureStepDescription": "PHYSICS01", 
    "SoftwareVersions": "3.2.1_3.2.1.1", 
    "MRAcquisitionType": "3D", 
    "SeriesDescription": "GRE-T1", 
    "ProtocolName": "WIP_GRE-T1_SENSE", 
    "ScanningSequence": "GR", 
    "SequenceVariant": "SP", 
    "ScanOptions": "PFF", 
    "ImageType": [
        "ORIGINAL", 
        "PRIMARY", 
        "M", 
        "FFE", 
        "M", 
        "FFE"
    ], 
    "SeriesNumber": 801, 
    "AcquisitionTime": "18:09:13.000000", 
    "AcquisitionNumber": 8, 
    "PhilipsRescaleSlope": 2.77143, 
    "PhilipsRescaleIntercept": 0, 
    "PhilipsScaleSlope": 0.000120419, 
    "UsePhilipsFloatNotDisplayScaling": 1, 
    "SliceThickness": 5, 
    "SpacingBetweenSlices": 5, 
    "SAR": 0.189376, 
    "EchoTime": 0.002001, 
    "RepetitionTime": 0.015, 
    "FlipAngle": 15, 
    "CoilString": "SENSE-NV-16", 
    "PercentPhaseFOV": 100, 
    "PhaseEncodingSteps": 256, 
    "AcquisitionMatrixPE": 256, 
    "ReconMatrixPE": 256, 
    "PixelBandwidth": 260, 
    "ImageOrientationPatientDICOM": [
        1, 
        0, 
        0, 
        0, 
        1, 
        0
    ], 
    "InPlanePhaseEncodingDirectionDICOM": "COL", 
    "ConversionSoftware": "dcm2niix", 
    "ConversionSoftwareVersion": "v1.0.20190410  (JP2:OpenJPEG) (JP-LS:CharLS) Clang8.1.0", 
    "Dcm2bidsVersion": "2.1.4"
}