{
    "Modality": "MR", 
    "MagneticFieldStrength": 3, 
    "ImagingFrequency": 127.715, 
    "Manufacturer": "Philips", 
    "ManufacturersModelName": "Achieva", 
    "InstitutionName": "Inst_of_Neurology", 
    "InstitutionalDepartmentName": "MRI", 
    "DeviceSerialNumber": "38023", 
    "StationName": "ION_NMR_ACHIEVA", 
    "BodyPartExamined": "CSPINE", 
    "PatientPosition": "HFS", 
    "ProcedureStepDescription": "PHYSICS01", 
    "SoftwareVersions": "3.2.1_3.2.1.1", 
    "MRAcquisitionType": "3D", 
    "SeriesDescription": "GRE-MT", 
    "ProtocolName": "WIP_GRE-MT_SENSE", 
    "ScanningSequence": "GR", 
    "SequenceVariant": "SP", 
    "ScanOptions": "PFF", 
    "ImageType": [
        "ORIGINAL", 
        "PRIMARY", 
        "M", 
        "FFE", 
        "M", 
        "FFE"
    ], 
    "SeriesNumber": 701, 
    "AcquisitionTime": "18:04:14.510000", 
    "AcquisitionNumber": 7, 
    "PhilipsRescaleSlope": 4.26081, 
    "PhilipsRescaleIntercept": 0, 
    "PhilipsScaleSlope": 7.26612e-05, 
    "UsePhilipsFloatNotDisplayScaling": 1, 
    "SliceThickness": 5, 
    "SpacingBetweenSlices": 5, 
    "SAR": 1.57102, 
    "EchoTime": 0.002, 
    "RepetitionTime": 0.057, 
    "FlipAngle": 9, 
    "CoilString": "SENSE-NV-16", 
    "PercentPhaseFOV": 100, 
    "PhaseEncodingSteps": 256, 
    "AcquisitionMatrixPE": 256, 
    "ReconMatrixPE": 256, 
    "PixelBandwidth": 260, 
    "ImageOrientationPatientDICOM": [
        1, 
        0, 
        0, 
        0, 
        1, 
        0
    ], 
    "InPlanePhaseEncodingDirectionDICOM": "COL", 
    "ConversionSoftware": "dcm2niix", 
    "ConversionSoftwareVersion": "v1.0.20190410  (JP2:OpenJPEG) (JP-LS:CharLS) Clang8.1.0", 
    "Dcm2bidsVersion": "2.1.4"
}