{
	"Modality": "MR",
	"MagneticFieldStrength": 3,
	"ImagingFrequency": 127.713,
	"Manufacturer": "Philips",
	"ManufacturersModelName": "Achieva",
	"InstitutionName": "Inst_of_Neurology",
	"InstitutionalDepartmentName": "MRI",
	"DeviceSerialNumber": "38023",
	"StationName": "ION_NMR_ACHIEVA",
	"BodyPartExamined": "CSPINE",
	"PatientPosition": "HFS",
	"ProcedureStepDescription": "PHYSICS01",
	"SoftwareVersions": "3.2.1_3.2.1.1",
	"MRAcquisitionType": "3D",
	"SeriesDescription": "T2w",
	"ProtocolName": "WIP_T2w_SENSE",
	"ScanningSequence": "SE",
	"SequenceVariant": "SK",
	"ScanOptions": "PFP",
	"ImageType": ["ORIGINAL", "PRIMARY", "M", "SE", "M", "SE"],
	"SeriesNumber": 501,
	"AcquisitionTime": "17:48:19.260000",
	"AcquisitionNumber": 5,
	"PhilipsRescaleSlope": 2.96484,
	"PhilipsRescaleIntercept": 0,
	"PhilipsScaleSlope": 0.000141669,
	"UsePhilipsFloatNotDisplayScaling": 1,
	"SliceThickness": 0.8,
	"SpacingBetweenSlices": 0.8,
	"SAR": 0.875391,
	"EchoTime": 0.12,
	"RepetitionTime": 3.5,
	"FlipAngle": 90,
	"CoilString": "SENSE-NV-16",
	"PercentPhaseFOV": 91.25,
	"EchoTrainLength": 93,
	"PhaseEncodingSteps": 316,
	"AcquisitionMatrixPE": 316,
	"ReconMatrixPE": 320,
	"PixelBandwidth": 401,
	"ImageOrientationPatientDICOM": [
		0,
		1,
		0,
		0,
		0,
		-1	],
	"InPlanePhaseEncodingDirectionDICOM": "ROW",
	"ConversionSoftware": "dcm2niix",
	"ConversionSoftwareVersion": "v1.0.20190410  (JP2:OpenJPEG) (JP-LS:CharLS) Clang8.1.0"
}
