{
	"Modality": "MR",
	"Manufacturer": "GE",
	"ManufacturersModelName": "Signa_HDxt",
	"AcquisitionNumber": 1,
	"InstitutionName": "TOKYO_UNIV_HOSPITAL",
	"DeviceSerialNumber": "0000000000YM1801",
	"SoftwareVersions": "24_LX_MR_Software_release:HD16.0_V03_1638.a",
	"ScanningSequence": "GR",
	"SequenceVariant": "SS_SP_SK",
	"SeriesDescription": "T1w",
	"ProtocolName": "T1w",
	"ImageType": ["ORIGINAL", "PRIMARY", "OTHER"],
	"AcquisitionTime": "19:35:21.000000",
	"MagneticFieldStrength": 3,
	"FlipAngle": 9,
	"EchoTime": 0.001504,
	"RepetitionTime": 0.004108,
	"InversionTime": 1,
	"PhaseEncodingLines": 256,
	"ConversionSoftware": "dcm2niix",
	"ConversionSoftwareVersion": "v1.0.20170818 (OpenJPEG build) Clang7.3.0"
}
