{
    "Modality": "MR", 
    "MagneticFieldStrength": 3, 
    "ImagingFrequency": 123.264, 
    "Manufacturer": "Siemens", 
    "ManufacturersModelName": "Skyra", 
    "InstitutionName": "Polytechnique_Montreal", 
    "InstitutionalDepartmentName": "Department", 
    "InstitutionAddress": "avenue_Decelles_5155_Montreal_District_CA_H3T_2B1", 
    "DeviceSerialNumber": "145264", 
    "StationName": "AWP145264", 
    "BodyPartExamined": "BRAIN", 
    "PatientPosition": "HFS", 
    "ProcedureStepDescription": "jcohenadad_generic", 
    "SoftwareVersions": "syngo_MR_E11", 
    "MRAcquisitionType": "2D", 
    "SeriesDescription": "GRE-ME", 
    "ProtocolName": "GRE-ME", 
    "ScanningSequence": "GR", 
    "SequenceVariant": "SP", 
    "SequenceName": "_me2d1r3", 
    "ImageType": [
        "ORIGINAL", 
        "PRIMARY", 
        "M", 
        "NORM", 
        "DIS2D"
    ], 
    "SeriesNumber": 8, 
    "AcquisitionTime": "14:50:28.977500", 
    "AcquisitionNumber": 1, 
    "SliceThickness": 5, 
    "SpacingBetweenSlices": 5, 
    "SAR": 0.0278303, 
    "NumberOfAverages": 2, 
    "EchoTime": 0.014, 
    "RepetitionTime": 0.6, 
    "FlipAngle": 30, 
    "PartialFourier": 1, 
    "BaseResolution": 448, 
    "ShimSetting": [
        11064, 
        3245, 
        9444, 
        -1884, 
        -465, 
        1874, 
        952, 
        326
    ], 
    "TxRefAmp": 387.767, 
    "PhaseResolution": 1, 
    "ReceiveCoilName": "HeadNeck_20", 
    "ReceiveCoilActiveElements": "HE3,4;NE1,2", 
    "CoilString": "HE3_4;NE1_2", 
    "PulseSequenceDetails": "%SiemensSeq%_medic", 
    "RefLinesPE": 24, 
    "ConsistencyInfo": "N4_VE11C_LATEST_20160120", 
    "PercentPhaseFOV": 100, 
    "EchoTrainLength": 3, 
    "PhaseEncodingSteps": 447, 
    "AcquisitionMatrixPE": 448, 
    "ReconMatrixPE": 448, 
    "ParallelReductionFactorInPlane": 2, 
    "PixelBandwidth": 260, 
    "DwellTime": 4.3e-06, 
    "PhaseEncodingDirection": "j-", 
    "ImageOrientationPatientDICOM": [
        1, 
        0, 
        0, 
        0, 
        0.996041, 
        0.0888943
    ], 
    "InPlanePhaseEncodingDirectionDICOM": "COL", 
    "ConversionSoftware": "dcm2niix", 
    "ConversionSoftwareVersion": "v1.0.20190410  (JP2:OpenJPEG) (JP-LS:CharLS) Clang8.1.0", 
    "Dcm2bidsVersion": "2.1.4"
}