{
    "Modality": "MR", 
    "MagneticFieldStrength": 3, 
    "ImagingFrequency": 123.264, 
    "Manufacturer": "Siemens", 
    "ManufacturersModelName": "Skyra", 
    "InstitutionName": "Polytechnique_Montreal", 
    "InstitutionalDepartmentName": "Department", 
    "InstitutionAddress": "avenue_Decelles_5155_Montreal_District_CA_H3T_2B1", 
    "DeviceSerialNumber": "145264", 
    "StationName": "AWP145264", 
    "BodyPartExamined": "BRAIN", 
    "PatientPosition": "HFS", 
    "ProcedureStepDescription": "jcohenadad_generic", 
    "SoftwareVersions": "syngo_MR_E11", 
    "MRAcquisitionType": "3D", 
    "SeriesDescription": "T1w", 
    "ProtocolName": "T1w", 
    "ScanningSequence": "GR_IR", 
    "SequenceVariant": "SK_SP_MP", 
    "ScanOptions": "IR", 
    "SequenceName": "_tfl3d1_16", 
    "ImageType": [
        "ORIGINAL", 
        "PRIMARY", 
        "M", 
        "NORM", 
        "DIS3D", 
        "DIS2D"
    ], 
    "SeriesNumber": 2, 
    "AcquisitionTime": "14:29:8.807500", 
    "AcquisitionNumber": 1, 
    "SliceThickness": 1, 
    "SAR": 0.0954484, 
    "EchoTime": 0.00372, 
    "RepetitionTime": 2, 
    "InversionTime": 1, 
    "FlipAngle": 9, 
    "PartialFourier": 1, 
    "BaseResolution": 320, 
    "ShimSetting": [
        11015, 
        3573, 
        9646, 
        -50, 
        -20, 
        -92, 
        -44, 
        -8
    ], 
    "TxRefAmp": 381.862, 
    "PhaseResolution": 1, 
    "ReceiveCoilName": "HeadNeck_20", 
    "ReceiveCoilActiveElements": "HE1-4;NE1,2;SP1", 
    "CoilString": "HE1-4;NE1_2;SP1", 
    "PulseSequenceDetails": "%SiemensSeq%_tfl", 
    "RefLinesPE": 24, 
    "ConsistencyInfo": "N4_VE11C_LATEST_20160120", 
    "PercentPhaseFOV": 81.25, 
    "PhaseEncodingSteps": 259, 
    "AcquisitionMatrixPE": 260, 
    "ReconMatrixPE": 260, 
    "PixelBandwidth": 150, 
    "DwellTime": 1.04e-05, 
    "ImageOrientationPatientDICOM": [
        0, 
        1, 
        0, 
        0, 
        0, 
        -1
    ], 
    "InPlanePhaseEncodingDirectionDICOM": "ROW", 
    "ConversionSoftware": "dcm2niix", 
    "ConversionSoftwareVersion": "v1.0.20190410  (JP2:OpenJPEG) (JP-LS:CharLS) Clang8.1.0", 
    "Dcm2bidsVersion": "2.1.4"
}