{
    "Modality": "MR", 
    "MagneticFieldStrength": 3, 
    "ImagingFrequency": 123.247, 
    "Manufacturer": "Siemens", 
    "ManufacturersModelName": "TrioTim", 
    "InstitutionName": "Martinos_Center_Bay_3", 
    "InstitutionalDepartmentName": "Research", 
    "InstitutionAddress": "MGH_149_Charlestown_Charlestown_US_02129", 
    "DeviceSerialNumber": "35162", 
    "StationName": "BAY3OC", 
    "PatientPosition": "HFS", 
    "ProcedureStepDescription": "INVESTIGATORS_Himanshu", 
    "SoftwareVersions": "syngo_MR_B17", 
    "MRAcquisitionType": "2D", 
    "SeriesDescription": "DWI_b0", 
    "ProtocolName": "DWI_b0", 
    "ScanningSequence": "EP", 
    "SequenceVariant": "SK_SP", 
    "ScanOptions": "PFP_SAT2_WE_CT", 
    "SequenceName": "ep_b0", 
    "ImageType": [
        "ORIGINAL", 
        "PRIMARY", 
        "DIFFUSION", 
        "NONE", 
        "ND"
    ], 
    "SeriesNumber": 13, 
    "AcquisitionTime": "19:38:12.510000", 
    "AcquisitionNumber": 1, 
    "SliceThickness": 5, 
    "SpacingBetweenSlices": 5, 
    "SAR": 0.566292, 
    "EchoTime": 0.099, 
    "RepetitionTime": 0.6, 
    "FlipAngle": 90, 
    "PartialFourier": 0.625, 
    "BaseResolution": 96, 
    "ShimSetting": [
        1817, 
        -11071, 
        4911, 
        -3298, 
        -592, 
        1100, 
        1379, 
        341
    ], 
    "DiffusionScheme": "Monopolar", 
    "TxRefAmp": 306.936, 
    "PhaseResolution": 1, 
    "ReceiveCoilName": "NeckMatrix", 
    "CoilString": "C:HEA;HEP;NE1_2", 
    "PulseSequenceDetails": "%SiemensSeq%_ep2d_diff", 
    "PercentPhaseFOV": 100, 
    "PhaseEncodingSteps": 63, 
    "AcquisitionMatrixPE": 96, 
    "ReconMatrixPE": 96, 
    "BandwidthPerPixelPhaseEncode": 9.137, 
    "EffectiveEchoSpacing": 0.00114005, 
    "DerivedVendorReportedEchoSpacing": 0.00114005, 
    "TotalReadoutTime": 0.108305, 
    "PixelBandwidth": 965, 
    "DwellTime": 5.4e-06, 
    "PhaseEncodingDirection": "j-", 
    "ImageOrientationPatientDICOM": [
        1, 
        0, 
        0, 
        0, 
        1, 
        0
    ], 
    "InPlanePhaseEncodingDirectionDICOM": "COL", 
    "ConversionSoftware": "dcm2niix", 
    "ConversionSoftwareVersion": "v1.0.20190410  (JP2:OpenJPEG) (JP-LS:CharLS) Clang8.1.0", 
    "Dcm2bidsVersion": "2.1.4"
}