{
    "Modality": "MR", 
    "MagneticFieldStrength": 3, 
    "ImagingFrequency": 127.768, 
    "Manufacturer": "GE", 
    "ManufacturersModelName": "DISCOVERY_MR750w", 
    "InstitutionName": "JUNTENDO_UNV_HP", 
    "DeviceSerialNumber": "0000000000EM0236", 
    "StationName": "GEMR750W", 
    "BodyPartExamined": "SPINE", 
    "PatientPosition": "HFS", 
    "SoftwareVersions": "27_LX_MR_Software_release:DV25.1_R01_1617.b", 
    "MRAcquisitionType": "2D", 
    "SeriesDescription": "DWI", 
    "ProtocolName": "DWI", 
    "ScanningSequence": "EP_SE", 
    "SequenceVariant": "NONE", 
    "ScanOptions": "SAT_GEMS_EDR_GEMS_EPI_GEMS_PFF_FS", 
    "ImageType": [
        "ORIGINAL", 
        "PRIMARY", 
        "OTHER"
    ], 
    "SeriesNumber": 6, 
    "AcquisitionTime": "18:35:3.000000", 
    "AcquisitionNumber": 1, 
    "SliceThickness": 5, 
    "SpacingBetweenSlices": 5, 
    "SAR": 0.11698, 
    "EchoTime": 0.0823, 
    "RepetitionTime": 3, 
    "FlipAngle": 90, 
    "PhaseEncodingPolarityGE": "Flipped", 
    "CoilString": "C_Spine+Neck_24", 
    "PercentPhaseFOV": 50, 
    "AcquisitionMatrixPE": 48, 
    "ReconMatrixPE": 256, 
    "EffectiveEchoSpacing": 0.001196, 
    "TotalReadoutTime": 0.30498, 
    "PixelBandwidth": 781.25, 
    "PhaseEncodingDirection": "j", 
    "ImageOrientationPatientDICOM": [
        0.994544, 
        0, 
        0.104316, 
        -0.0258678, 
        0.968767, 
        0.246622
    ], 
    "InPlanePhaseEncodingDirectionDICOM": "COL", 
    "ConversionSoftware": "dcm2niix", 
    "ConversionSoftwareVersion": "v1.0.20190410  (JP2:OpenJPEG) (JP-LS:CharLS) Clang8.1.0", 
    "Dcm2bidsVersion": "2.1.4"
}